##TITLE=Parameter List, ParaVision 6.0.1
##JCAMPDX=4.24
##DATATYPE=Parameter Values
##ORIGIN=Bruker BioSpin MRI GmbH
##OWNER=nmrsu
$$ 2018-07-29 16:42:36.990 -0400  nmrsu@CZC5467V68
$$ /opt/PV6.0.1/data/nmrsu/20180729_121345_HR_T1mapping_test_1_1/24/pdata/1/visu_pars
$$ process /opt/PV6.0.1/prog/bin/parxserver
##$VisuVersion=3
##$VisuUid=( 65 )
<2.16.756.5.5.100.9223372038447911399.107677.1532896956.1>
##$VisuCreator=( 65 )
<ParaVision>
##$VisuCreatorVersion=( 65 )
<6.0.1>
##$VisuCreationDate=<2018-07-29T16:42:36,989-0400>
##$VisuInstanceModality=( 65 )
<MR>
$$ @vis= VisuVersion VisuUid VisuCreator VisuCreatorVersion VisuCreationDate
##$VisuCoreFrameCount=50
##$VisuCoreDim=2
##$VisuCoreSize=( 2 )
200 200
$$ @vis= VisuInstanceModality VisuInstance VisuCoreFrameCount VisuCoreDim
##$VisuCoreDimDesc=( 2 )
spatial spatial
##$VisuCoreExtent=( 2 )
10 10
##$VisuCoreFrameThickness=( 1 )
0.5
##$VisuCoreUnits=( 2, 65 )
<mm> <mm>
$$ @vis= VisuCoreSize VisuCoreDimDesc VisuCoreExtent VisuCoreFrameThickness
##$VisuCoreOrientation=( 1, 9 )
-0.0256036281920713 0.999672173376554 0 0 0 -1 -0.999672173376554 
-0.0256036281920713 0
##$VisuCorePosition=( 1, 3 )
-0.178103859039644 -2.12846086688276 6.34271
##$VisuCoreDataMin=( 50 )
155.145304368207 132.597352169939 125.426943197867 116.523352586584 
148.286645056051 134.878781350999 166.984970989111 129.736979538793 
123.117705234009 148.745946954238 110.929727374973 129.846973647049 
115.937327637845 167.71050906221 122.19127610744 171.855587700595 
129.906439158451 179.490476755379 153.322706029334 114.67854986049 
135.662845755769 178.532802453304 113.678248370895 156.128527576087 
137.576720670025 97.6933739163434 111.539694857869 184.809235861911 
107.930258525361 135.18907067354 150.055236267746 165.547211202165 
99.4952416313725 150.43145168956 126.496244705907 151.37496178555 
147.749086526867 141.684363480134 105.006335188117 110.196483559609 
137.428521128893 149.9618461527 154.880059057864 113.772248243859 
113.617566319262 126.951823433753 122.335452701181 144.129063346872 
122.802851300395 161.950119577252
##$VisuCoreDataMax=( 50 )
31890.4997538773 23975.9863018034 15858.0136972682 10566.6945615497 
8420.46930295317 29132.436059529 22223.2847639501 14740.7977391804 
9903.36963087443 7268.15007446245 24189.6448256922 18807.7935366439 
12599.4561524973 8418.11030428334 5793.91456776823 18534.2412489738 
13922.6097029506 10114.875017935 6988.67664845465 4765.94962783121 
15904.6925290785 12340.3997311811 8513.29919562194 6173.88772894867 
4511.25446095237 32766.5 23601.9149451928 16011.5159380274 11079.35387544 
8123.49809323655 30772.4603013633 22066.1929160372 14950.4691883706 
10352.1365177559 7104.64248982383 25259.8593007727 18682.1726226274 
13149.9509234532 8682.67879699814 6428.28101683295 18649.4892888286 
14135.1765472713 10279.4241453495 7210.39908067415 5508.68986633137 
16072.0277976214 12179.2621487209 8642.37371694324 6649.12576987507 
4792.5772852962
$$ @vis= VisuCoreUnits VisuCoreOrientation VisuCorePosition VisuCoreDataMin
##$VisuCoreDataOffs=( 50 )
0 0 0 0 0 0 0 0 0 0 0 0 0 0 0 0 0 0 0 0 0 0 0 0 0 0 0 0 0 0 0 0 0 0 0 0 0 0 0 
0 0 0 0 0 0 0 0 0 0 0
##$VisuCoreDataSlope=( 50 )
0.00141635591281399 0.00141635591281399 0.00141635591281399 
0.00141635591281399 0.00141635591281399 0.00141635591281399 
0.00141635591281399 0.00141635591281399 0.00141635591281399 
0.00141635591281399 0.00141635591281399 0.00141635591281399 
0.00141635591281399 0.00141635591281399 0.00141635591281399 
0.00141635591281399 0.00141635591281399 0.00141635591281399 
0.00141635591281399 0.00141635591281399 0.00141635591281399 
0.00141635591281399 0.00141635591281399 0.00141635591281399 
0.00141635591281399 0.00141635591281399 0.00141635591281399 
0.00141635591281399 0.00141635591281399 0.00141635591281399 
0.00141635591281399 0.00141635591281399 0.00141635591281399 
0.00141635591281399 0.00141635591281399 0.00141635591281399 
0.00141635591281399 0.00141635591281399 0.00141635591281399 
0.00141635591281399 0.00141635591281399 0.00141635591281399 
0.00141635591281399 0.00141635591281399 0.00141635591281399 
0.00141635591281399 0.00141635591281399 0.00141635591281399 
0.00141635591281399 0.00141635591281399
##$VisuCoreFrameType=( 1 )
MAGNITUDE_IMAGE
##$VisuFGElemComment=( 5, 65 )
<VTR=  4200.0ms> <VTR=  2800.0ms> <VTR=  1500.0ms> <VTR=   800.0ms> <VTR=   
616.8ms>
$$ @vis= VisuCoreDataMax VisuCoreDataOffs VisuCoreDataSlope VisuCoreFrameType
##$VisuCoreWordType=_16BIT_SGN_INT
##$VisuCoreByteOrder=littleEndian
$$ @vis= VisuFGElemComment VisuCore VisuCoreWordType VisuCoreByteOrder
##$VisuFGOrderDescDim=3
##$VisuFGOrderDesc=( 3 )
(5, <FG_ECHO>, <>, 0, 1) (5, <FG_MOVIE>, <vtr>, 1, 2) (2, <FG_CYCLE>, <>, 3, 
0)
##$VisuGroupDepVals=( 3 )
(<VisuAcqEchoTime>, 0) (<VisuFGElemComment>, 0) (<VisuAcqRepetitionTime>, 0)
$$ @vis= VisuPixel VisuFGOrderDescDim VisuFGOrderDesc VisuGroupDepVals
##$VisuSubjectName=( 65 )
<HR_T1mapping_test>
##$VisuSubjectId=( 65 )
<HR_T1mapping_test>
##$VisuSubjectUid=( 65 )
<2.16.756.5.5.100.3740619239.41671.1532880795.1>
##$VisuSubjectInstanceCreationDate=(1532880795, 702, -240)
$$ @vis= VisuFrameOrderDesc VisuSubjectName VisuSubjectId VisuSubjectUid
##$VisuSubjectBirthDate=( 9 )
<20180729>
##$VisuSubjectSex=UNKNOWN
##$VisuSubjectType=Quadruped
$$ @vis= VisuSubjectInstanceCreationDate VisuSubjectBirthDate VisuSubjectSex
##$VisuStudyUid=( 65 )
<2.16.756.5.5.100.3740619239.41671.1532880825.4>
##$VisuStudyDate=<2018-07-29T12:13:45,775-0400>
##$VisuStudyId=( 65 )
<20180729_T1mappingTest_HR>
##$VisuStudyNumber=1
$$ @vis= VisuSubjectType VisuSubject VisuStudyUid VisuStudyDate VisuStudyId
##$VisuSubjectWeight=0.001
##$VisuStudyReferringPhysician=( 65 )
<nmrsu>
##$VisuStudyDescription=( 2048 )
<\
>
$$ @vis= VisuStudyNumber VisuSubjectWeight VisuStudyReferringPhysician
##$VisuExperimentNumber=24
##$VisuProcessingNumber=1
$$ @vis= VisuStudyDescription VisuStudy VisuExperimentNumber
##$VisuSeriesDate=<2018-07-29T16:42:36,989-0400>
##$VisuSubjectPosition=Head_Prone
##$VisuSeriesTypeId=( 65 )
<ACQ_BRUKER_PVM>
$$ @vis= VisuProcessingNumber VisuSeriesDate VisuSubjectPosition
$$ @vis= VisuSeriesTypeId VisuSeries VisuCoilReceive VisuCoilTransmit
##$VisuManufacturer=( 65 )
<Bruker BioSpin MRI GmbH>
##$VisuAcqSoftwareVersion=( 65 )
<6.0.1>
##$VisuInstitution=( 65 )
<New York University>
$$ @vis= VisuContrastAgent VisuManufacturer VisuAcqSoftwareVersion
##$VisuStation=( 65 )
<spect>
##$VisuSystemOrderNumber=( 65 )
<10194026>
##$VisuAcqDate=<2018-07-29T16:09:27,557-0400>
$$ @vis= VisuInstitution VisuStation VisuSystemOrderNumber VisuEquipment
##$VisuAcqEchoTrainLength=2
##$VisuAcqSequenceName=( 40 )
<Bruker:RAREVTR>
##$VisuAcqNumberOfAverages=1
$$ @vis= VisuAcqDate VisuAcqEchoTrainLength VisuAcqSequenceName
##$VisuAcqImagingFrequency=300.332539154264
##$VisuAcqImagedNucleus=( 8 )
<1H>
##$VisuAcqRepetitionTime=( 5 )
4200 2800 1500 800 616.780363636364
$$ @vis= VisuAcqNumberOfAverages VisuAcqImagingFrequency VisuAcqImagedNucleus
##$VisuAcqPhaseEncSteps=200
##$VisuAcqPixelBandwidth=407.608695652174
##$VisuAcqFlipAngle=90
$$ @vis= VisuAcqRepetitionTime VisuAcqPhaseEncSteps VisuAcqPixelBandwidth
##$VisuAcqSize=( 2 )
200 200
##$VisuAcqImageSizeAccellerated=No
##$VisuAcqGradEncoding=( 2 )
read_enc phase_enc
$$ @vis= VisuAcqFlipAngle VisuAcqSize VisuAcqImageSizeAccellerated
##$VisuAcqEchoTime=( 5 )
7 21 35 49 63
##$VisuAcquisitionProtocol=( 65 )
<T1_T2map_RARE>
##$VisuAcqScanTime=1983356.07272727
$$ @vis= VisuAcqGradEncoding VisuAcqEchoTime VisuAcquisitionProtocol
##$VisuAcqAntiAlias=( 2 )
1 1
##$VisuAcqEchoSequenceType=Both
##$VisuAcqSpinsVelocityEncoded=No
$$ @vis= VisuAcqScanTime VisuAcqAntiAlias VisuAcqEchoSequenceType
##$VisuAcqHasTimeOfFlightContrast=No
##$VisuAcqIsEpiSequence=No
$$ @vis= VisuAcqSpinsVelocityEncoded VisuAcqHasTimeOfFlightContrast
##$VisuAcqSpectralSuppression=NoSuppression
##$VisuAcqKSpaceTraversal=RectilinearTraversal
$$ @vis= VisuAcqIsEpiSequence VisuAcqSpectralSuppression
##$VisuAcqEncodingOrder=( 2 )
LinearEncoding LinearEncoding
##$VisuAcqKSpaceTrajectoryCnt=1
$$ @vis= VisuAcqKSpaceTraversal VisuAcqEncodingOrder
##$VisuAcqKSpaceFiltering=( 2 )
NO_WDW NO_WDW
##$VisuAcqFlowCompensation=FlowNone
$$ @vis= VisuAcqKSpaceTrajectoryCnt VisuAcqKSpaceFiltering
##$VisuAcqSpoiling=GradientSpoiled
##$VisuAcqSaturation=( 1 )
(FovSaturation, 11.4796, -0 -1 0, -0 -6.39031 0)
##$VisuAcqPartialFourier=( 2 )
1 1
$$ @vis= VisuAcqFlowCompensation VisuAcqSpoiling VisuAcqSaturation
##$VisuAcqParallelReductionFactor=( 2 )
1 1
##$VisuAcqMagnetizationTransfer=No
$$ @vis= VisuAcqPartialFourier VisuAcqParallelReductionFactor
##$VisuAcqBloodSignalNulling=No
##$VisuCardiacSynchUsed=No
$$ @vis= VisuAcqMagnetizationTransfer VisuAcqBloodSignalNulling
##$VisuRespSynchUsed=No
$$ @vis= VisuCardiacSynchUsed VisuRespSynchUsed VisuAcquisition VisuMpi
$$ @vis= VisuDepricated Visu
##END=
$$ File finished by PARX at 2018-07-29 16:42:36.991 -0400
