##TITLE=Parameter List, ParaVision 6.0.1
##JCAMPDX=4.24
##DATATYPE=Parameter Values
##ORIGIN=Bruker BioSpin MRI GmbH
##OWNER=nmrsu
$$ 2018-08-02 17:57:56.247 -0400  nmrsu@CZC5467V68
$$ /opt/PV6.0.1/data/nmrsu/20180802_175417_20180802_HR_T1mapping_MN1_1_1/1/visu_pars
$$ process /opt/PV6.0.1/prog/mod/acq_out
##$VisuVersion=3
##$VisuUid=( 65 )
<2.16.756.5.5.100.9223372038447911399.40527.1533247076.1>
##$VisuCreator=( 65 )
<ParaVision>
##$VisuCreatorVersion=( 65 )
<6.0.1>
##$VisuCreationDate=<2018-08-02T17:57:56,183-0400>
##$VisuInstanceModality=( 65 )
<MR>
##$VisuCoreFrameCount=15
##$VisuCoreDim=2
##$VisuCoreSize=( 2 )
192 192
##$VisuCoreDimDesc=( 2 )
spatial spatial
##$VisuCoreExtent=( 2 )
25 25
##$VisuCoreFrameThickness=( 1 )
1
##$VisuCoreUnits=( 2, 65 )
<mm> <mm>
##$VisuCoreOrientation=( 15, 9 )
1 0 0 0 1 0 0 0 1 1 0 0 0 1 0 0 0 1 1 0 0 0 1 0 0 0 1 1 0 0 0 1 0 0 0 1 1 0 0 
0 1 0 0 0 1 0 1 0 0 0 -1 -1 0 0 0 1 0 0 0 -1 -1 0 0 0 1 0 0 0 -1 -1 0 0 0 1 0 
0 0 -1 -1 0 0 0 1 0 0 0 -1 -1 0 0 1 0 0 0 0 -1 0 1 0 1 0 0 0 0 -1 0 1 0 1 0 0 
0 0 -1 0 1 0 1 0 0 0 0 -1 0 1 0 1 0 0 0 0 -1 0 1 0
##$VisuCorePosition=( 15, 3 )
-12.5 -12.5 -4 -12.5 -12.5 -2 -12.5 -12.5 0 -12.5 -12.5 2 -12.5 -12.5 4 4 
-12.5 12.5 2 -12.5 12.5 0 -12.5 12.5 -2 -12.5 12.5 -4 -12.5 12.5 -12.5 4 12.5 
-12.5 2 12.5 -12.5 0 12.5 -12.5 -2 12.5 -12.5 -4 12.5
##$VisuCoreDataMin=( 15 )
80.7688872986742 110.680261094765 121.33216497161 118.274090800771 
102.986346032366 85.8725955538817 108.122804642511 109.739437743606 
125.419268419421 134.319939033086 84.2182244590175 86.9983054760852 
76.2391674725963 119.121342978796 112.655903220889
##$VisuCoreDataMax=( 15 )
22339.2521123706 24833.4005181461 23985.6907684457 32766.5 29705.5564378284 
14950.4346566622 20534.3883372094 31225.2491761854 25118.7524643566 
18932.3604022466 22371.7661000949 17023.5229772555 15866.5132146733 
12544.439828497 6638.50033417351
##$VisuCoreDataOffs=( 15 )
0 0 0 0 0 0 0 0 0 0 0 0 0 0 0
##$VisuCoreDataSlope=( 15 )
0.00115090246206257 0.00115090246206257 0.00115090246206257 
0.00115090246206257 0.00115090246206257 0.00115090246206257 
0.00115090246206257 0.00115090246206257 0.00115090246206257 
0.00115090246206257 0.00115090246206257 0.00115090246206257 
0.00115090246206257 0.00115090246206257 0.00115090246206257
##$VisuCoreFrameType=( 1 )
MAGNITUDE_IMAGE
##$VisuCoreSlicePacksDef=(0, 3)
##$VisuCoreSlicePacksSlices=( 3 )
(0, 5) (5, 5) (10, 5)
##$VisuCoreSlicePacksSliceDist=( 3 )
2 2 2
##$VisuCoreWordType=_16BIT_SGN_INT
##$VisuCoreByteOrder=littleEndian
##$VisuCoreTransposition=( 15 )
0 0 0 0 0 1 1 1 1 1 1 1 1 1 1
##$VisuFGOrderDescDim=1
##$VisuFGOrderDesc=( 1 )
(15, <FG_SLICE>, <>, 0, 2)
##$VisuGroupDepVals=( 2 )
(<VisuCoreOrientation>, 0) (<VisuCorePosition>, 0)
##$VisuSubjectName=( 65 )
<20180802_HR_T1mapping_MN1>
##$VisuSubjectId=( 65 )
<20180802_HR_T1mapping_MN1>
##$VisuSubjectUid=( 65 )
<2.16.756.5.5.100.3740619239.128208.1533246842.1737>
##$VisuSubjectInstanceCreationDate=(1533246842, 953, -240)
##$VisuSubjectBirthDate=( 9 )
<20180802>
##$VisuSubjectSex=UNKNOWN
##$VisuSubjectType=Quadruped
##$VisuStudyUid=( 65 )
<2.16.756.5.5.100.3740619239.128208.1533246857.1738>
##$VisuStudyDate=<2018-08-02T17:54:17,176-0400>
##$VisuStudyId=( 65 )
<20180802_HR_T1mapping>
##$VisuStudyNumber=1
##$VisuSubjectWeight=0.001
##$VisuStudyReferringPhysician=( 65 )
<nmrsu>
##$VisuStudyDescription=( 2048 )
<\
>
##$VisuExperimentNumber=1
##$VisuProcessingNumber=1
##$VisuSeriesDate=<2018-08-02T17:57:56,183-0400>
##$VisuSubjectPosition=Head_Prone
##$VisuSeriesTypeId=( 65 )
<ACQ_BRUKER_PVM>
##$VisuManufacturer=( 65 )
<Bruker BioSpin MRI GmbH>
##$VisuAcqSoftwareVersion=( 65 )
<6.0.1>
##$VisuInstitution=( 65 )
<New York University>
##$VisuStation=( 65 )
<spect>
##$VisuSystemOrderNumber=( 65 )
<10194026>
##$VisuAcqDate=<2018-08-02T17:56:52,516-0400>
##$VisuAcqEchoTrainLength=192
##$VisuAcqSequenceName=( 40 )
<Bruker:FLASH>
##$VisuAcqNumberOfAverages=1
##$VisuAcqImagingFrequency=300.332431425605
##$VisuAcqImagedNucleus=( 8 )
<1H>
##$VisuAcqRepetitionTime=( 1 )
15
##$VisuAcqPhaseEncSteps=192
##$VisuAcqPixelBandwidth=212.296195652174
##$VisuAcqFlipAngle=10
##$VisuAcqSize=( 2 )
160 192
##$VisuAcqImageSizeAccellerated=No
##$VisuAcqGradEncoding=( 2 )
read_enc phase_enc
##$VisuAcqEchoTime=( 1 )
3
##$VisuAcquisitionProtocol=( 65 )
<1_Localizer_multi_slice>
##$VisuAcqScanTime=43200
##$VisuAcqAntiAlias=( 2 )
1 1
##$VisuAcqEchoSequenceType=GradientEcho
##$VisuAcqSpinsVelocityEncoded=No
##$VisuAcqHasTimeOfFlightContrast=No
##$VisuAcqIsEpiSequence=No
##$VisuAcqSpectralSuppression=FatSuppression
##$VisuAcqKSpaceTraversal=RectilinearTraversal
##$VisuAcqEncodingOrder=( 2 )
LinearEncoding LinearEncoding
##$VisuAcqKSpaceTrajectoryCnt=1
##$VisuAcqKSpaceFiltering=( 2 )
NO_WDW NO_WDW
##$VisuAcqFlowCompensation=FlowNone
##$VisuAcqSpoiling=GradientSpoiled
##$VisuAcqPartialFourier=( 2 )
1.2 1
##$VisuAcqParallelReductionFactor=( 2 )
1 1
##$VisuAcqMagnetizationTransfer=No
##$VisuAcqBloodSignalNulling=No
##$VisuCardiacSynchUsed=No
##$VisuRespSynchUsed=No
##END=
$$ File finished by PARX at 2018-08-02 17:57:56.247 -0400
