##TITLE=Parameter List, ParaVision 6.0.1
##JCAMPDX=4.24
##DATATYPE=Parameter Values
##ORIGIN=Bruker BioSpin MRI GmbH
##OWNER=nmrsu
$$ 2018-07-29 16:42:37.027 -0400  nmrsu@CZC5467V68
$$ /opt/PV6.0.1/data/nmrsu/20180729_121345_HR_T1mapping_test_1_1/24/method
$$ process /opt/PV6.0.1/prog/mod/acq_out
##$Method=<Bruker:RAREVTR>
##$PVM_EchoTime=7
##$EffectiveTE=( 5 )
7 21 35 49 63
##$PVM_RareFactor=2
##$MultiRepTime=( 5 )
4200 2800 1500 800 616.780363636364
##$PVM_NAverages=1
$$ @vis= Method PVM_EchoTime EffectiveTE PVM_RareFactor MultiRepTime
##$T1Exp=5
##$RepTimeMode=Enter_RepTime
##$EstT1Value=1000
##$MinT1RepTime=867.503426458727
##$PVM_NRepetitions=2
##$PVM_NEchoImages=5
##$PVM_ScanTimeStr=( 16 )
<0h33m3s356ms>
$$ @vis= PVM_NAverages T1Exp RepTimeMode PVM_NRepetitions PVM_NEchoImages
##$PVM_ScanTime=1983356.07272727
##$PVM_DeriveGains=Yes
##$ExcPulse1Enum=<Calculated>
##$ExcPulse1=(2.72727272727273, 2200, 90, Yes, 4, 6000, 0.155352536733369, 
0.135449017488208, 0, 50, 8.33014175099118, <$ExcPulse1Shape>)
##$ExcPulse1Ampl=(8.33014175099118, 20.4085052747515, -9.20652391700843)
##$RefPulse1Enum=<Calculated>
$$ @vis= PVM_ScanTimeStr PVM_DeriveGains ExcPulse1Enum ExcPulse1
##$RefPulse1=(2.31818181818182, 2200, 180, Yes, 4, 5100, 0.0981992064004008, 
0.0914234269262881, 1, 0, 114.145183744511, <$RefPulse1Shape>)
##$RefPulse1Ampl=(114.145183744511, 75.546404197854, -20.574575915397)
##$PVM_GradCalConst=28481.2
##$PVM_Nucleus1Enum=<1H>
##$PVM_Nucleus1=( 8 )
<1H>
$$ @vis= RefPulse1Enum RefPulse1 RF_Pulses PVM_GradCalConst PVM_Nucleus1Enum
##$PVM_RefPowMod1=AutoAdj
##$PVM_RefPowCh1=1.49536161783601
##$PVM_RefPowStat1=( 1024 )
<Study: Adj by AdjRefG (protocol ADJ_REFG)>
##$PVM_Nucleus2Enum=<1H>
##$PVM_Nucleus3Enum=<1H>
##$PVM_Nucleus4Enum=<1H>
##$PVM_Nucleus5Enum=<1H>
##$PVM_Nucleus6Enum=<1H>
##$PVM_Nucleus7Enum=<1H>
##$PVM_Nucleus8Enum=<1H>
##$PVM_FrqRef=( 8 )
300.332539154264 0 0 0 0 0 0 0
##$PVM_FrqWorkOffset=( 8 )
0 0 0 0 0 0 0 0
$$ @vis= PVM_Nucleus1 PVM_RefPowMod1 PVM_RefPowCh1 PVM_RefPowStat1 PVM_FrqRef
##$PVM_FrqWork=( 8 )
300.332539154264 0 0 0 0 0 0 0
##$PVM_FrqRefPpm=( 8 )
4.7 0 0 0 0 0 0 0
##$PVM_FrqWorkOffsetPpm=( 8 )
0 0 0 0 0 0 0 0
##$PVM_FrqWorkPpm=( 8 )
4.7 0 0 0 0 0 0 0
$$ @vis= PVM_FrqWorkOffset PVM_FrqWork PVM_FrqRefPpm PVM_FrqWorkOffsetPpm
##$PVM_NucleiPpmWork=( 20 )
(<1H>, 4.7) (<none>, 0) (<none>, 0) (<none>, 0) (<none>, 0) (<none>, 0) 
(<none>, 0) (<none>, 0) (<none>, 0) (<none>, 0) (<none>, 0) (<none>, 0) 
(<none>, 0) (<none>, 0) (<none>, 0) (<none>, 0) (<none>, 0) (<none>, 0) 
(<none>, 0) (<none>, 0)
##$PVM_SpatDimEnum=<2D>
##$PVM_IsotropicFovRes=Isot_None
$$ @vis= PVM_FrqWorkPpm PVM_NucleiPpmWork Nuclei PVM_SpatDimEnum
##$PVM_Matrix=( 2 )
200 200
##$PVM_MinMatrix=( 2 )
32 32
##$PVM_MaxMatrix=( 2 )
2048 2048
##$PVM_DefMatrix=( 3 )
256 128 64
$$ @vis= PVM_IsotropicFovRes PVM_Matrix PVM_MinMatrix PVM_MaxMatrix
##$PVM_AntiAlias=( 2 )
1 1
##$PVM_MaxAntiAlias=( 2 )
2 8
##$PVM_EncSpectroscopy=No
##$PVM_EncUseMultiRec=Yes
$$ @vis= PVM_DefMatrix PVM_AntiAlias PVM_MaxAntiAlias PVM_EncSpectroscopy
##$PVM_EncActReceivers=( 4 )
On On On On
##$PVM_EncZf=( 2 )
1 1
##$PVM_EncPft=( 2 )
1 1
##$PVM_EncPftOverscans=( 2 )
100 100
$$ @vis= PVM_EncUseMultiRec PVM_EncActReceivers PVM_EncZf PVM_EncPft
##$PVM_EncPpi=( 2 )
1 1
##$PVM_EncPpiRefLines=( 2 )
0 0
##$PVM_EncOrder=( 2 )
LINEAR_ENC LINEAR_ENC
##$PVM_EncStart=( 2 )
0 -1
##$PVM_EncNReceivers=4
$$ @vis= PVM_EncPftOverscans PVM_EncPpi PVM_EncOrder PVM_EncStart
##$PVM_EncAvailReceivers=8
##$PVM_EncChanScaling=( 4 )
0.77 1 0.85 0.73
##$PVM_EncMatrix=( 2 )
200 200
$$ @vis= PVM_EncNReceivers PVM_EncAvailReceivers PVM_EncChanScaling
##$PVM_EncTotalAccel=1
##$PVM_EncSteps1=( 200 )
-50 50 -49 51 -48 52 -47 53 -46 54 -45 55 -44 56 -43 57 -42 58 -41 59 -40 60 
-39 61 -38 62 -37 63 -36 64 -35 65 -34 66 -33 67 -32 68 -31 69 -30 70 -29 71 
-28 72 -27 73 -26 74 -25 75 -24 76 -23 77 -22 78 -21 79 -20 80 -19 81 -18 82 
-17 83 -16 84 -15 85 -14 86 -13 87 -12 88 -11 89 -10 90 -9 91 -8 92 -7 93 -6 
94 -5 95 -4 96 -3 97 -2 98 -1 99 0 -100 1 -99 2 -98 3 -97 4 -96 5 -95 6 -94 7 
-93 8 -92 9 -91 10 -90 11 -89 12 -88 13 -87 14 -86 15 -85 16 -84 17 -83 18 
-82 19 -81 20 -80 21 -79 22 -78 23 -77 24 -76 25 -75 26 -74 27 -73 28 -72 29 
-71 30 -70 31 -69 32 -68 33 -67 34 -66 35 -65 36 -64 37 -63 38 -62 39 -61 40 
-60 41 -59 42 -58 43 -57 44 -56 45 -55 46 -54 47 -53 48 -52 49 -51
##$PVM_EncSteps2=( 1 )
0
##$PVM_EncCentralStep1=1
##$PVM_EncValues1=( 200 )
-0.5 0.5 -0.49 0.51 -0.48 0.52 -0.47 0.53 -0.46 0.54 -0.45 0.55 -0.44 0.56 
-0.43 0.57 -0.42 0.58 -0.41 0.59 -0.4 0.6 -0.39 0.61 -0.38 0.62 -0.37 0.63 
-0.36 0.64 -0.35 0.65 -0.34 0.66 -0.33 0.67 -0.32 0.68 -0.31 0.69 -0.3 0.7 
-0.29 0.71 -0.28 0.72 -0.27 0.73 -0.26 0.74 -0.25 0.75 -0.24 0.76 -0.23 0.77 
-0.22 0.78 -0.21 0.79 -0.2 0.8 -0.19 0.81 -0.18 0.82 -0.17 0.83 -0.16 0.84 
-0.15 0.85 -0.14 0.86 -0.13 0.87 -0.12 0.88 -0.11 0.89 -0.1 0.9 -0.09 0.91 
-0.08 0.92 -0.07 0.93 -0.06 0.94 -0.05 0.95 -0.04 0.96 -0.03 0.97 -0.02 0.98 
-0.01 0.99 0 -1 0.01 -0.99 0.02 -0.98 0.03 -0.97 0.04 -0.96 0.05 -0.95 0.06 
-0.94 0.07 -0.93 0.08 -0.92 0.09 -0.91 0.1 -0.9 0.11 -0.89 0.12 -0.88 0.13 
-0.87 0.14 -0.86 0.15 -0.85 0.16 -0.84 0.17 -0.83 0.18 -0.82 0.19 -0.81 0.2 
-0.8 0.21 -0.79 0.22 -0.78 0.23 -0.77 0.24 -0.76 0.25 -0.75 0.26 -0.74 0.27 
-0.73 0.28 -0.72 0.29 -0.71 0.3 -0.7 0.31 -0.69 0.32 -0.68 0.33 -0.67 0.34 
-0.66 0.35 -0.65 0.36 -0.64 0.37 -0.63 0.38 -0.62 0.39 -0.61 0.4 -0.6 0.41 
-0.59 0.42 -0.58 0.43 -0.57 0.44 -0.56 0.45 -0.55 0.46 -0.54 0.47 -0.53 0.48 
-0.52 0.49 -0.51
$$ @vis= PVM_EncMatrix PVM_EncTotalAccel PVM_EncSteps1 PVM_EncCentralStep1
##$PVM_EffSWh=81521.7391304348
##$ReadDephDur=0.697272727272727
##$EncGradDur=0.659861963944838
$$ @vis= PVM_EncValues1 Encoding_Output Encoding PVM_EffSWh ReadDephDur
##$PVM_AcquisitionTime=2.45333333333333
##$PVM_MinEchoTime=6.91223677946274
##$RepetitionSpoiler=(Yes, 8, 3, 18.7258027517567)
##$PVM_DigAutSet=Yes
$$ @vis= EncGradDur PVM_AcquisitionTime PVM_MinEchoTime RepetitionSpoiler
##$PVM_DigQuad=Yes
##$PVM_DigFilter=<Digital_Sharp>
##$PVM_DigRes=21
##$PVM_DigDw=0.0122666666666667
##$PVM_DigSw=81521.7391304348
$$ @vis= PVM_DigAutSet PVM_DigQuad PVM_DigFilter PVM_DigRes PVM_DigDw
##$PVM_DigNp=200
##$PVM_DigShift=68
##$PVM_DigShiftDbl=68
##$PVM_DigGroupDel=0.834133333333333
##$PVM_DigDur=2.45333333333333
$$ @vis= PVM_DigSw PVM_DigNp PVM_DigShift PVM_DigShiftDbl PVM_DigGroupDel
##$PVM_DigEndDelMin=-4.44089209850063e-16
##$PVM_DigEndDelOpt=0.1088
$$ @vis= PVM_DigDur PVM_DigEndDelMin PVM_DigEndDelOpt DigitizerPars
##$PVM_Isotropic=Isotropic_None
##$PVM_Fov=( 2 )
10 10
##$PVM_FovCm=( 2 )
1 1
##$PVM_SpatResol=( 2 )
0.05 0.05
##$PVM_SliceThick=0.5
##$PVM_ObjOrderScheme=Interlaced
$$ @vis= Sequence_Details PVM_Isotropic PVM_Fov PVM_SpatResol PVM_SliceThick
##$PVM_ObjOrderList=( 1 )
0
##$PVM_NSPacks=1
##$PVM_SPackArrNSlices=( 1 )
1
##$PVM_MajSliceOri=No
$$ @vis= PVM_ObjOrderScheme PVM_ObjOrderList PVM_NSPacks PVM_SPackArrNSlices
##$PVM_SPackArrSliceOrient=( 1 )
sagittal
##$PVM_SPackArrReadOrient=( 1 )
A_P
##$PVM_SPackArrReadOffset=( 1 )
-2.87679700424279
$$ @vis= PVM_MajSliceOri PVM_SPackArrSliceOrient PVM_SPackArrReadOrient
##$PVM_SPackArrPhase1Offset=( 1 )
1.34271
##$PVM_SPackArrPhase2Offset=( 1 )
0
##$PVM_SPackArrSliceOffset=( 1 )
0.232541792509952
$$ @vis= PVM_SPackArrReadOffset PVM_SPackArrPhase1Offset
##$PVM_SPackArrSliceGapMode=( 1 )
non_contiguous
##$PVM_SPackArrSliceGap=( 1 )
0
$$ @vis= PVM_SPackArrSliceOffset PVM_SPackArrSliceGapMode
##$PVM_SPackArrSliceDistance=( 1 )
0.5
##$PVM_SPackArrGradOrient=( 1, 3, 3 )
-0.0256036281920713 0.999672173376554 0 0 0 1 0.999672173376554 
0.0256036281920713 0
##$PVM_SliceGeo=( 1 )
(((-0.0256036281920713 -0.999672173376554 0 0 0 -1 0.999672173376554 
-0.0256036281920713 0, 0.306122 2.86990000000001 -1.34271), 10 10 0.5, 
<+R;read> <+P;phase> <+S;slice>, 0), 1, 1, 256, 0.5, 0, No)
##$PVM_SliceGeoObj=(<BRUKER_SLICEPACKAGE>, GeoCuboidPackId, Standard_GobjShape,
 <PVM_SliceGeo>, <PVM_ObjOrderList>, 0, <R;read> <P;phase> <S;slice>, Yes, 
4195848)
$$ @vis= PVM_SPackArrSliceGap PVM_SPackArrSliceDistance PVM_SliceGeo
##$PVM_EffPhase0Offset=( 1 )
-2.87679700424279
##$PVM_EffPhase1Offset=( 1 )
1.34271
##$PVM_EffPhase2Offset=( 1 )
0
##$PVM_EffSliceOffset=( 1 )
0.232541792509952
##$PVM_EffReadOffset=( 1 )
-2.87679700424279
##$PVM_Phase0Offset=( 1 )
-2.87679700424279
##$PVM_Phase1Offset=( 1 )
1.34271
##$PVM_Phase2Offset=( 1 )
0
##$PVM_SliceOffset=( 1 )
0.232541792509952
##$PVM_ReadOffset=( 1 )
-2.87679700424279
##$PVM_DummyScans=0
##$PVM_DummyScansDur=0
$$ @vis= PVM_SliceGeoObj SliceOffsetPars ImageGeometry PVM_DummyScans
##$PVM_TriggerModule=Off
##$PVM_TriggerMode=per_PhaseStep
##$PVM_TriggerDelay=1
##$PVM_TriggerDur=0.01
##$PVM_TriggerModuleTime=0
##$PVM_FatSupOnOff=Off
$$ @vis= PVM_DummyScansDur DummyScans_Parameters PVM_TriggerModule
##$PVM_FatSupPulEnum=<gauss512>
##$PVM_FatSupPul=(2.60952380952381, 1050, 90, No, 3, 2740, 0.4150688, 
0.295357137487272, 0, 50, 1.27462820057318, <gauss512.exc>)
##$PVM_FatSupPulAmpl=(1.27462820057318, 7.98319547729222, -1.0538352281938)
##$PVM_FatSupBandWidth=1050
##$PVM_FatSupSpoil=(Yes, 3, 0.447, 47.12869820073)
##$PVM_FatSupModuleTime=0
##$PVM_FatSupPerform=No
##$PVM_FatSupRampTime=0.121
##$PVM_FatSupAmpEnable=0.025
##$PVM_FatSupGradWait=0.01
##$PVM_FatSupFL=( 1 )
-1051.15894659288
##$PVM_FatSupRfLength=2609.52380952381
##$PVM_FatSupSpoilDur=0.298
##$PVM_FatSupSpoilAmp=47.12869820073
##$PVM_MagTransOnOff=Off
##$PVM_MagTransPulse1Enum=<gauss>
##$PVM_MagTransPulse1=(1.82666666666667, 1500, 117.1, No, 3, 2740, 0.4181723, 
0.298723764675971, 0, 50, 4.33856261806136, <gauss.exc>)
##$PVM_MagTransPulse1Ampl=(4.33856261806136, 14.7284802645442, 
-6.37345869963984)
##$PVM_MagTransPower=10.0017644460368
##$PVM_MagTransOffset=1500
##$PVM_MagTransInterDelay=0.01
##$PVM_MagTransPulsNumb=1
##$PVM_MagTransSpoil=(Yes, 5, 2, 17.5554400797719)
##$PVM_MagTransSpoiler=17.5554400797719
##$PVM_MagTransModuleTime=0
##$PVM_MagTransFL=( 1 )
1500
##$PVM_MtD0=1e-06
##$PVM_MtD1=1e-06
##$PVM_MtD2=1e-06
##$PVM_MtD3=1e-06
##$PVM_MtP0=10
##$PVM_MtLp0=0
##$PVM_FovSatOnOff=On
##$PVM_FovSatPulEnum=<Calculated>
##$PVM_FovSatPul=(1.2, 5000, 90, Yes, 4, 6000, 0.155352536733369, 
0.135449017488208, 0, 50, 43.027591689004, <$PVM_FovSatPulShape>)
$$ @vis= PVM_FatSupOnOff PVM_MagTransOnOff PVM_FovSatOnOff PVM_FovSatPulEnum
##$PVM_FovSatPulAmpl=(43.027591689004, 46.3829665335261, -16.3374703872847)
##$PVM_FovSatNSlices=1
##$PVM_FovSatThick=( 1 )
11.4796
##$PVM_FovSatOffset=( 1 )
6.39031
##$PVM_FovSatSpoil=(Yes, 10, 0.8, 3.82318200977646)
$$ @vis= PVM_FovSatPul PVM_FovSatNSlices PVM_FovSatThick PVM_FovSatOffset
##$PVM_FovSatSpoilDur=0.651
##$PVM_FovSatSpoilAmp=3.82318200977646
##$PVM_FovSatModuleTime=2.128
$$ @vis= PVM_FovSatSpoil PVM_FovSatSpoilDur PVM_FovSatSpoilAmp
##$PVM_FovSatGrad=( 1, 3 )
0 1.52927280391058 0
##$PVM_FovSatRampTime=0.121
##$PVM_FovSatAmpEnable=0.025
$$ @vis= PVM_FovSatModuleTime PVM_FovSatGrad PVM_FovSatRampTime
##$PVM_FovSatGradWait=0.01
##$PVM_FovSatSliceOri=( 1 )
coronal
##$PVM_FovSatSliceOriMat=( 1, 9 )
0 0 -1 1 0 0 0 -1 0
$$ @vis= PVM_FovSatAmpEnable PVM_FovSatGradWait PVM_FovSatSliceOri
##$PVM_FovSatSliceVec=( 1, 3 )
0 1 0
##$PVM_FovSatSlicePos=( 1, 2 )
-0 -4.16334e-16
##$PVM_FovSatFL=( 1 )
2783.33304296317
$$ @vis= PVM_FovSatSliceOriMat PVM_FovSatSliceVec PVM_FovSatSlicePos
##$PVM_FovSatRfLength=1200
##$PVM_FovSatGeoObj=(<BRUKER_FOVSAT>, GeoPlanarId, Standard_GobjShape, 
<PVM_FovSatGeoCub>, <>, 0, <1;first> <2;second> <S;slice>, Yes, 524384)
##$PVM_FovSatGeoCub=( 1 )
(((0 0 -1 1 0 0 0 -1 0, -4.16334e-16 -6.39031 0), 58 58 11.4796, <+1;first> 
<+2;second> <+S;slice>, 0), 1, 1, 1, 11.4796, 0, No)
$$ @vis= PVM_FovSatFL PVM_FovSatRfLength PVM_FovSatGeoObj PVM_FovSatGeoCub
##$PVM_InFlowSatOnOff=Off
##$PVM_InFlowSatNSlices=1
##$PVM_InFlowSatThick=( 1 )
0.196078431372549
##$PVM_InFlowSatMinThick=0.175554400797719
##$PVM_InFlowSatSliceGap=0
##$PVM_FlowSatGeoObj=(<>, GeoCuboidPackId, Standard_GobjShape, <>, <>, 0, <> <>
 <>, No, 0)
##$PVM_FlowSatGeoCub=( 1 )
(((0 0 0 0 0 0 0 0 0, 0 0 0), 0 0 0.196078431372549, <+> <+> <+>, 0), 1, 1, 1,
 0.196078431372549, 0, No)
##$PVM_FlowSatPulEnum=<hermite>
##$PVM_FlowSatPul=(1.08, 5000, 90, No, 3, 5400, 0.1794, 0.173622206901755, 0, 
50, 39.8339928263321, <hermite.exc>)
##$PVM_FlowSatPulAmpl=(39.8339928263321, 44.6284622333843, -16.0025384081887)
##$PVM_InFlowSatSpoil=(Yes, 5, 1.79065488813674, 50)
##$PVM_InFlowSatPos=up
##$PVM_InFlowSatModuleTime=0
##$PVM_InFlowSatFL=( 1 )
14804.8157090038
##$PVM_SfD0=0.000149
##$PVM_SfD1=2.5e-05
##$PVM_SfD2=0.00179065488813674
##$PVM_SfP0=1080
##$PVM_SfLp0=1
##$PVM_MotionSupOnOff=On
##$PVM_FlipBackOnOff=Off
##$PVM_MapShimReady=No
$$ @vis= Fov_Sat_Parameters PVM_InFlowSatOnOff PVM_FlipBackOnOff Preparation
##$PVM_MapShimLocShim=No
##$PVM_MapShimStatus=( 128 )
<Mapshim disabled: No map acquired>
##$PVM_MapShimCalcStat=( 256 )
<Not Calculated.>
##$PVM_MapShimNSets=1
##$PVM_MapShimSets=( 1 )
(0, 0, 0, 0, 0, 0, 0, 0, 0, 0, 0, 0, 0, 0, 0, 0, 0, 0, 0, 0, 0, 0, 0, 0, 0, 0,
 0, 0, 0, 0, 0, 0, 0, 0, 0, 0, 0, 0, 0)
##$PVM_MapShimNVolumes=1
$$ @vis= PVM_MapShimReady PVM_MapShimStatus PVM_MapShimNSets PVM_MapShimSets
##$PVM_MapShimVolShape=Cuboid
##$PVM_ReqShimEnum=Current_Shim
##$PVM_MapShimUseShims=AllShims
##$PVM_MapShimVolDerive=No
##$PVM_MapShimVolMargin=( 3 )
0 0 0
##$PVM_GeoObj=( 2, 65 )
<PVM_SliceGeoObj> <PVM_FovSatGeoObj>
##$PVM_ExportHandler=( 3 )
(<BRUKER_PARIMPORT_SLICEGEO>, <>, <Slice Geometry>) (<BRUKER_PARIMPORT_FOVSAT>
, <>, <FOV Saturation>) (<BRUKER_PARIMPORT_SLICEORIENT>, <>, <Slice 
Orientation>)
$$ @vis= PVM_MapShimNVolumes PVM_ReqShimEnum MapShim MethodClass PVM_GeoObj
$$ @vis= PVM_ExportHandler StandardMethodGroup
##END=
$$ File finished by PARX at 2018-07-29 16:42:37.028 -0400
