##TITLE=Parameter List, ParaVision 6.0.1
##JCAMPDX=4.24
##DATATYPE=Parameter Values
##ORIGIN=Bruker BioSpin MRI GmbH
##OWNER=nmrsu
$$ 2018-08-05 19:58:26.164 -0400  nmrsu@CZC5467V68
$$ /opt/PV6.0.1/data/nmrsu/20180802_190228_20180802_HR_T1mapping_MN2_1_1/3/pdata/3/visu_pars
$$ process /opt/PV6.0.1/prog/mod/xtip
##$VisuVersion=3
##$VisuUid=( 65 )
<2.16.756.5.5.100.3740619239.37222.1533513506.377>
##$VisuCreator=( 65 )
<ParaVision;xtip>
##$VisuCreatorVersion=( 65 )
<6.0.1;6.0.1>
##$VisuCreationDate=<2018-08-05T19:58:26,164-0400>
$$ @vis= VisuVersion VisuUid VisuCreator VisuCreatorVersion VisuCreationDate
##$VisuCoreFrameCount=25
##$VisuCoreDim=2
##$VisuCoreSize=( 2 )
100 100
##$VisuCoreDimDesc=( 2 )
spatial spatial
$$ @vis= VisuInstance VisuCoreFrameCount VisuCoreDim VisuCoreSize
##$VisuCoreExtent=( 2 )
10 10
##$VisuCoreFrameThickness=( 1 )
1
##$VisuCoreUnits=( 2, 65 )
<mm> <mm>
##$VisuCoreOrientation=( 1, 9 )
-0.121295723045868 0.992609129206456 -0.00380318113964108 0.0511231724066977 
0.00242071659137199 -0.998689421879625 -0.991299030975949 -0.121331186210246 
-0.0510389502141234
$$ @vis= VisuCoreDimDesc VisuCoreExtent VisuCoreFrameThickness VisuCoreUnits
##$VisuCorePosition=( 1, 3 )
-0.470529246804146 -2.64563922898914 6.42960301509633
##$VisuCoreDataMin=( 25 )
0 0 0 0 5133890 0 0 0 0 2066748 0 0 0 0 3679533 0 0 0 0 5666148 0 0 0 0 
3484729
##$VisuCoreDataMax=( 25 )
1773687168 200640016 1153851392 1077508096 1794086656 1632006400 125629648 
2053324672 1271013888 1106399744 1263461760 91451296 1431806720 1286048896 
1183382272 1678796160 111350632 1960288000 1667254400 1939141760 1345240448 
101091840 2010255360 927457408 1770719488
##$VisuCoreDataOffs=( 25 )
0 0 0 0 0 0 0 0 0 0 0 0 0 0 0 0 0 0 0 0 0 0 0 0 0
$$ @vis= VisuCoreOrientation VisuCorePosition VisuCoreDataMin VisuCoreDataMax
##$VisuCoreDataSlope=( 25 )
1.19209289550781e-07 1.19209289550781e-07 4.76837158203125e-07 
4.76837158203125e-07 7.45058059692383e-09 1.19209289550781e-07 
1.19209289550781e-07 4.76837158203125e-07 4.76837158203125e-07 
1.49011611938477e-08 1.19209289550781e-07 1.19209289550781e-07 
4.76837158203125e-07 4.76837158203125e-07 7.45058059692383e-09 
5.96046447753906e-08 5.96046447753906e-08 4.76837158203125e-07 
4.76837158203125e-07 3.72529029846191e-09 5.96046447753906e-08 
5.96046447753906e-08 4.76837158203125e-07 4.76837158203125e-07 
3.72529029846191e-09
##$VisuCoreDataUnits=( 5, 65 )
<> <> <ms> <ms> <>
##$VisuCoreFrameType=( 1 )
REAL_IMAGE
$$ @vis= VisuCoreDataOffs VisuCoreDataSlope VisuCoreDataUnits
##$VisuFGElemComment=( 10, 65 )
<signal intensity> <std dev of signal intensity> <T2 relaxation time> <std 
dev of T2 relaxation time> <std dev of the fit> <VTR=  4200.0ms> <VTR=  
2800.0ms> <VTR=  1500.0ms> <VTR=   800.0ms> <VTR=   616.8ms>
##$VisuCoreWordType=_32BIT_SGN_INT
##$VisuCoreByteOrder=littleEndian
$$ @vis= VisuCoreFrameType VisuFGElemComment VisuCore VisuCoreWordType
##$VisuFGOrderDescDim=2
##$VisuFGOrderDesc=( 2 )
(5, <FG_ISA>, <T2 relaxation: y=A+C*exp(-t/T2)>, 0, 2) (5, <FG_MOVIE>, <vtr>, 
2, 2)
##$VisuGroupDepVals=( 4 )
(<VisuCoreDataUnits>, 0) (<VisuFGElemComment>, 0) (<VisuFGElemComment>, 5) 
(<VisuAcqRepetitionTime>, 0)
$$ @vis= VisuCoreByteOrder VisuPixel VisuFGOrderDescDim VisuFGOrderDesc
##$VisuSubjectName=( 65 )
<20180802_HR_T1mapping_MN2>
##$VisuSubjectId=( 65 )
<20180802_HR_T1mapping_MN2>
##$VisuSubjectUid=( 65 )
<2.16.756.5.5.100.3740619239.51948.1533250917.8>
$$ @vis= VisuGroupDepVals VisuFrameOrderDesc VisuSubjectName VisuSubjectId
##$VisuSubjectInstanceCreationDate=(1533250917, 148, -240)
##$VisuSubjectBirthDate=( 9 )
<20180802>
##$VisuSubjectSex=UNKNOWN
$$ @vis= VisuSubjectUid VisuSubjectInstanceCreationDate VisuSubjectBirthDate
##$VisuSubjectType=Quadruped
##$VisuStudyUid=( 65 )
<2.16.756.5.5.100.3740619239.51948.1533250948.11>
##$VisuStudyDate=<2018-08-02T19:02:28,492-0400>
$$ @vis= VisuSubjectSex VisuSubjectType VisuSubject VisuStudyUid
##$VisuStudyId=( 65 )
<20180802_HR_T1mapping>
##$VisuStudyNumber=1
##$VisuSubjectWeight=0.001
##$VisuStudyReferringPhysician=( 65 )
<nmrsu>
$$ @vis= VisuStudyDate VisuStudyId VisuStudyNumber VisuSubjectWeight
##$VisuStudyDescription=( 2048 )
<\
>
##$VisuExperimentNumber=3
$$ @vis= VisuStudyReferringPhysician VisuStudyDescription VisuStudy
##$VisuProcessingNumber=3
##$VisuSeriesDate=<2018-08-05T19:58:26,164-0400>
##$VisuSubjectPosition=Head_Prone
$$ @vis= VisuExperimentNumber VisuProcessingNumber VisuSeriesDate
##$VisuSeriesTypeId=( 65 )
<DERIVED_ISA>
##$VisuSeriesComment=( 65 )
<Parametric image for T2 relaxation: y=A+C*exp(-t/T2) produced fr>
##$VisuSeriesReferenceUid=( 65 )
<2.16.756.5.5.100.9223372038447911399.58825.1533252378.1>
$$ @vis= VisuSubjectPosition VisuSeriesTypeId VisuSeriesComment
##$VisuSeriesReferenceTypeId=( 65 )
<ACQ_BRUKER_PVM>
$$ @vis= VisuSeriesReferenceUid VisuSeriesReferenceTypeId VisuSeries
##$VisuManufacturer=( 65 )
<Bruker BioSpin MRI GmbH>
$$ @vis= VisuCoilReceive VisuCoilTransmit VisuContrastAgent VisuManufacturer
##$VisuAcqRepetitionTime=( 5 )
4200 2800 1500 800 616.780363636364
$$ @vis= VisuEquipment VisuAcqRepetitionTime VisuAcquisition VisuMpi
$$ @vis= VisuDepricated Visu
##END=
$$ File finished by PARX at 2018-08-05 19:58:26.164 -0400
