##TITLE=Parameter List, ParaVision 6.0.1
##JCAMPDX=4.24
##DATATYPE=Parameter Values
##ORIGIN=Bruker BioSpin MRI GmbH
##OWNER=nmrsu
$$ 2018-08-02 19:43:47.754 -0400  nmrsu@CZC5467V68
$$ /opt/PV6.0.1/data/nmrsu/20180802_190228_20180802_HR_T1mapping_MN2_1_1/4/pdata/2/visu_pars
$$ process /opt/PV6.0.1/prog/mod/xtip
##$VisuVersion=3
##$VisuUid=( 65 )
<2.16.756.5.5.100.3740619239.60583.1533253427.81>
##$VisuCreator=( 65 )
<ParaVision;xtip>
##$VisuCreatorVersion=( 65 )
<6.0.1;6.0.1>
##$VisuCreationDate=<2018-08-02T19:43:47,753-0400>
$$ @vis= VisuVersion VisuUid VisuCreator VisuCreatorVersion VisuCreationDate
##$VisuCoreFrameCount=25
##$VisuCoreDim=2
##$VisuCoreSize=( 2 )
100 100
##$VisuCoreDimDesc=( 2 )
spatial spatial
$$ @vis= VisuInstance VisuCoreFrameCount VisuCoreDim VisuCoreSize
##$VisuCoreExtent=( 2 )
5 5
##$VisuCoreFrameThickness=( 1 )
1
##$VisuCoreUnits=( 2, 65 )
<mm> <mm>
##$VisuCoreOrientation=( 1, 9 )
-0.121295723045868 0.992609129206456 -0.00380318113964108 0.0511231724066977 
0.00242071659137199 -0.998689421879625 -0.991299030975949 -0.121331186210246 
-0.0510389502141234
$$ @vis= VisuCoreDimDesc VisuCoreExtent VisuCoreFrameThickness VisuCoreUnits
##$VisuCorePosition=( 1, 3 )
-0.932738623402069 2.09126538550543 2.77394750754816
##$VisuCoreDataMin=( 25 )
126318112 784309 274026112 1170918 27747718 70629632 219971 195505328 1362144 
8556224 72517056 982767 0 0 26593038 73383200 316482 0 0 6836562 127947704 
1689311 0 0 17228112
##$VisuCoreDataMax=( 25 )
1559729024 113409152 1960046720 412927968 1368922752 1173314176 128933384 
1993006464 573870272 1098179840 1715324032 189563392 2074208256 738326080 
2093344128 1260540288 338673376 1170521856 573375936 1189432320 1864635136 
470515296 1315966592 737369920 1140479616
##$VisuCoreDataOffs=( 25 )
0 0 0 0 0 0 0 0 0 0 0 0 0 0 0 0 0 0 0 0 0 0 0 0 0
$$ @vis= VisuCoreOrientation VisuCorePosition VisuCoreDataMin VisuCoreDataMax
##$VisuCoreDataSlope=( 25 )
5.96046447753906e-08 5.96046447753906e-08 1.9073486328125e-06 
1.9073486328125e-06 1.86264514923096e-09 5.96046447753906e-08 
5.96046447753906e-08 1.9073486328125e-06 1.9073486328125e-06 
1.86264514923096e-09 2.98023223876953e-08 2.98023223876953e-08 
1.9073486328125e-06 1.9073486328125e-06 9.31322574615479e-10 
2.98023223876953e-08 2.98023223876953e-08 3.814697265625e-06 
3.814697265625e-06 1.86264514923096e-09 1.49011611938477e-08 
1.49011611938477e-08 3.814697265625e-06 3.814697265625e-06 
1.86264514923096e-09
##$VisuCoreDataUnits=( 5, 65 )
<> <> <ms> <ms> <>
##$VisuCoreFrameType=( 1 )
REAL_IMAGE
$$ @vis= VisuCoreDataOffs VisuCoreDataSlope VisuCoreDataUnits
##$VisuFGElemComment=( 5, 65 )
<signal intensity> <std dev of signal intensity> <T1 relaxation time> <std 
dev of T1 relaxation time> <std dev of the fit>
##$VisuCoreWordType=_32BIT_SGN_INT
##$VisuCoreByteOrder=littleEndian
$$ @vis= VisuCoreFrameType VisuFGElemComment VisuCore VisuCoreWordType
##$VisuFGOrderDescDim=2
##$VisuFGOrderDesc=( 2 )
(5, <FG_ISA>, <T1 saturation recovery>, 0, 2) (5, <FG_ECHO>, <>, 2, 1)
##$VisuGroupDepVals=( 3 )
(<VisuCoreDataUnits>, 0) (<VisuFGElemComment>, 0) (<VisuAcqEchoTime>, 0)
$$ @vis= VisuCoreByteOrder VisuPixel VisuFGOrderDescDim VisuFGOrderDesc
##$VisuSubjectName=( 65 )
<20180802_HR_T1mapping_MN2>
##$VisuSubjectId=( 65 )
<20180802_HR_T1mapping_MN2>
##$VisuSubjectUid=( 65 )
<2.16.756.5.5.100.3740619239.51948.1533250917.8>
$$ @vis= VisuGroupDepVals VisuFrameOrderDesc VisuSubjectName VisuSubjectId
##$VisuSubjectInstanceCreationDate=(1533250917, 148, -240)
##$VisuSubjectBirthDate=( 9 )
<20180802>
##$VisuSubjectSex=UNKNOWN
$$ @vis= VisuSubjectUid VisuSubjectInstanceCreationDate VisuSubjectBirthDate
##$VisuSubjectType=Quadruped
##$VisuStudyUid=( 65 )
<2.16.756.5.5.100.3740619239.51948.1533250948.11>
##$VisuStudyDate=<2018-08-02T19:02:28,492-0400>
$$ @vis= VisuSubjectSex VisuSubjectType VisuSubject VisuStudyUid
##$VisuStudyId=( 65 )
<20180802_HR_T1mapping>
##$VisuStudyNumber=1
##$VisuSubjectWeight=0.001
##$VisuStudyReferringPhysician=( 65 )
<nmrsu>
$$ @vis= VisuStudyDate VisuStudyId VisuStudyNumber VisuSubjectWeight
##$VisuStudyDescription=( 2048 )
<\
>
##$VisuExperimentNumber=4
$$ @vis= VisuStudyReferringPhysician VisuStudyDescription VisuStudy
##$VisuProcessingNumber=2
##$VisuSeriesDate=<2018-08-02T19:43:47,753-0400>
##$VisuSubjectPosition=Head_Prone
$$ @vis= VisuExperimentNumber VisuProcessingNumber VisuSeriesDate
##$VisuSeriesTypeId=( 65 )
<DERIVED_ISA>
##$VisuSeriesComment=( 65 )
<Parametric image for T1 saturation recovery produced from /opt/P>
##$VisuSeriesReferenceUid=( 65 )
<2.16.756.5.5.100.9223372038447911399.60323.1533253410.1>
$$ @vis= VisuSubjectPosition VisuSeriesTypeId VisuSeriesComment
##$VisuSeriesReferenceTypeId=( 65 )
<ACQ_BRUKER_PVM>
$$ @vis= VisuSeriesReferenceUid VisuSeriesReferenceTypeId VisuSeries
##$VisuManufacturer=( 65 )
<Bruker BioSpin MRI GmbH>
$$ @vis= VisuCoilReceive VisuCoilTransmit VisuContrastAgent VisuManufacturer
##$VisuAcqEchoTime=( 5 )
7 21 35 49 63
$$ @vis= VisuEquipment VisuAcqEchoTime VisuAcquisition VisuMpi VisuDepricated
$$ @vis= Visu
##END=
$$ File finished by PARX at 2018-08-02 19:43:47.754 -0400
