##TITLE=Parameter List, ParaVision 6.0.1
##JCAMPDX=4.24
##DATATYPE=Parameter Values
##ORIGIN=Bruker BioSpin MRI GmbH
##OWNER=nmrsu
$$ 2018-08-02 17:07:44.700 -0400  nmrsu@CZC5467V68
$$ /opt/PV6.0.1/data/nmrsu/20180802_170324_20180802_HR_T1mapping_NOMN2_1_1/1/pdata/1/reco
$$ process /opt/PV6.0.1/prog/bin/parxserver
##$RECO_mode=USER_MODE
##$RecoAutoDerive=No
##$RecoDim=2
##$RecoObjectsPerRepetition=15
##$RecoObjectsPerSetupStep=2880
$$ @vis= RECO_mode RecoAutoDerive RecoDim RecoObjectsPerRepetition
##$RecoNumRepetitions=1
##$RECO_inp_order=NO_REORDERING
##$RECO_inp_size=( 2 )
160 192
$$ @vis= RecoObjectsPerSetupStep RecoNumRepetitions RECO_inp_order
##$RECO_ft_size=( 2 )
192 192
##$RECO_fov=( 2 )
2.5 2.5
##$RECO_size=( 2 )
192 192
##$RECO_offset=( 2, 15 )
0 0 0 0 0 0 0 0 0 0 0 0 0 0 0 0 0 0 0 0 0 0 0 0 0 0 0 0 0 0
##$RECO_regrid_mode=NO_REGRID
##$RECO_regrid_offset=0
##$RECO_ramp_gap=0
##$RECO_ramp_time=0
##$RECO_ne_mode=NO_NAV_DATA
##$RECO_ne_dist=NeNoInterleave
##$RECO_ne_dens=NeCorrPerScan
##$RECO_ne_type=NAV_PHASE
##$RECO_bc_mode=( 2 )
NO_BC NO_BC
##$RECO_bc_start=( 2 )
120 144
##$RECO_bc_len=( 2 )
40 48
##$RECO_dc_offset=( 2 )
0 0
##$RECO_dc_divisor=1
##$RECO_bc_coroff=( 2 )
0 0
##$RECO_qopts=( 2 )
COMPLEX_CONJUGATE NO_QOPTS
##$RECO_wdw_mode=( 2 )
NO_WDW NO_WDW
$$ @vis= RECO_inp_size RECO_ft_size RECO_fov RECO_size RECO_ne_mode
##$RECO_lb=( 2 )
-0.5 -0.5
##$RECO_sw=( 2 )
40760.8695652174 1
##$RECO_gb=( 2 )
0.5 0.5
##$RECO_sbs=( 2 )
1 1
##$RECO_tm1=( 2 )
0.25 0.25
##$RECO_tm2=( 2 )
0.75 0.75
##$RECO_ft_mode=( 2 )
COMPLEX_FT COMPLEX_FT
##$RECO_pc_mode=( 2 )
FIRST_ORDER_PC FIRST_ORDER_PC
##$RECO_pc_lin=( 2 )
(0, 180) (0, 180)
##$RECO_rotate=( 2, 15 )
0.5 0.5 0.5 0.5 0.5 0.5 0.5 0.5 0.5 0.5 0.5 0.5 0.5 0.5 0.5 0.5 0.5 0.5 0.5 
0.5 0.5 0.5 0.5 0.5 0.5 0.5 0.5 0.5 0.5 0.5
##$RECO_ppc_mode=NO_PPC
##$RECO_ref_image=0
##$RECO_nr_supports=0.4
##$RECO_sig_threshold=0.15
##$RECO_ppc_degree=1
##$RECO_ppc_coeffs=( 15, 2, 2 )
0 0 0 0 0 0 0 0 0 0 0 0 0 0 0 0 0 0 0 0 0 0 0 0 0 0 0 0 0 0 0 0 0 0 0 0 0 0 0 
0 0 0 0 0 0 0 0 0 0 0 0 0 0 0 0 0 0 0 0 0
##$RECO_dc_elim=Yes
##$RECO_transposition=( 15 )
0 0 0 0 0 1 1 1 1 1 1 1 1 1 1
$$ @vis= RECO_wdw_mode RECO_ft_mode RECO_pc_mode RECO_pc_lin RECO_rotate
##$RECO_image_type=MAGNITUDE_IMAGE
##$RECO_image_threshold=0.15
##$RECO_ir_scale=10
##$RECO_wordtype=_16BIT_SGN_INT
##$RECO_map_mode=ABSOLUTE_MAPPING
##$RECO_map_range=( 2 )
-2147483647 2147483647
##$RECO_map_percentile=( 2 )
1 99.99
##$RECO_map_error=0.0025
##$RECO_globex=( 15 )
0 0 0 0 0 0 0 0 0 0 0 0 0 0 0
##$RECO_minima=( 15 )
105.816871253531 156.270330059677 122.101502879987 123.483594078496 
167.612579286383 146.486737915214 163.572666268166 181.555280420096 
159.504208984824 147.021635228552 134.464689146619 170.783682203337 
183.56696652182 133.139912530078 137.973222862643
##$RECO_maxima=( 15 )
27270.6266195853 25946.8910663654 24690.7036358086 30567.2503159376 
26235.5536375249 17559.4305837402 22163.8066311038 32766.5 27830.1369720418 
21052.6887731603 23035.1087557354 21504.9915158624 18656.235830471 
11809.6023739767 6694.77221132466
##$RECO_map_min=( 15 )
-28.6411627954314 -28.6411627954314 -28.6411627954314 -28.6411627954314 
-28.6411627954314 -28.6411627954314 -28.6411627954314 -28.6411627954314 
-28.6411627954314 -28.6411627954314 -28.6411627954314 -28.6411627954314 
-28.6411627954314 -28.6411627954314 -28.6411627954314
##$RECO_map_max=( 15 )
28.6411627954314 28.6411627954314 28.6411627954314 28.6411627954314 
28.6411627954314 28.6411627954314 28.6411627954314 28.6411627954314 
28.6411627954314 28.6411627954314 28.6411627954314 28.6411627954314 
28.6411627954314 28.6411627954314 28.6411627954314
##$RECO_map_offset=( 15 )
0 0 0 0 0 0 0 0 0 0 0 0 0 0 0
##$RECO_map_slope=( 15 )
1144.03525562261 1144.03525562261 1144.03525562261 1144.03525562261 
1144.03525562261 1144.03525562261 1144.03525562261 1144.03525562261 
1144.03525562261 1144.03525562261 1144.03525562261 1144.03525562261 
1144.03525562261 1144.03525562261 1144.03525562261
##$RECO_byte_order=littleEndian
$$ @vis= RECO_transposition RECO_image_type RECO_wordtype RECO_map_mode
##$RECO_time=<2018-08-02T17:07:44,698-0400>
##$RECO_abs_time=(1533244064, 698, -240)
##$RECO_base_image_uid=( 65 )
<2.16.756.5.5.100.9223372038447911399.26968.1533244064.1>
##$RecoUserUpdate=Yes
##$RecoReverseSegment=0
##$RecoB0DemodOff=0
##$RecoB0DemodDelay=0
##$RecoFTOrder=( 2 )
0 1
##$RecoHalfFT=( 2 )
No No
$$ @vis= RECO_byte_order RecoUserUpdate RecoB0DemodOff RecoWindow RecoFTOrder
##$RecoHalfFTPos=( 2 )
64 96
##$RecoCorrPhase=RecoCorrPhaseOff
##$RecoCorrPhaseRef=-1
##$RECO_map_user_slope=1
##$RECO_map_user_offset=0
##$RecoNumInputChan=4
$$ @vis= RecoHalfFT RecoHalfFTPos RecoCorrPhase RecoCorrPhaseRef RecoMap
##$RecoScaleChan=( 4 )
0.77 1 0.85 0.73
##$RecoPhaseChan=( 4 )
0 0 0 0
##$RecoCombineMode=SumOfSquares
##$RecoSortDim=2
$$ @vis= RecoNumInputChan RecoScaleChan RecoPhaseChan RecoCombineMode
##$RecoSortSize=( 2 )
192 15
##$RecoSortRange=( 2 )
192 15
##$RecoSortSegment=( 2 )
192 0
##$RecoSortMaps=( 207 )
0 1 2 3 4 5 6 7 8 9 10 11 12 13 14 15 16 17 18 19 20 21 22 23 24 25 26 27 28 
29 30 31 32 33 34 35 36 37 38 39 40 41 42 43 44 45 46 47 48 49 50 51 52 53 54 
55 56 57 58 59 60 61 62 63 64 65 66 67 68 69 70 71 72 73 74 75 76 77 78 79 80 
81 82 83 84 85 86 87 88 89 90 91 92 93 94 95 96 97 98 99 100 101 102 103 104 
105 106 107 108 109 110 111 112 113 114 115 116 117 118 119 120 121 122 123 
124 125 126 127 128 129 130 131 132 133 134 135 136 137 138 139 140 141 142 
143 144 145 146 147 148 149 150 151 152 153 154 155 156 157 158 159 160 161 
162 163 164 165 166 167 168 169 170 171 172 173 174 175 176 177 178 179 180 
181 182 183 184 185 186 187 188 189 190 191 0 2 4 6 8 10 12 14 1 3 5 7 9 11 13
$$ @vis= RecoSortDim RecoSortSize RecoSortRange RecoSortSegment RecoSortMaps
##$RecoGrappaAccelFactor=1
##$RecoGrappaKernelRead=0
##$RecoGrappaKernelPhase=0
##$RecoGrappaNumRefRead=0
##$RecoGrappaNumRefPhase=0
##$RecoGrappaIncludeRefLines=Yes
##$RecoGrappaReadCenter=0
##$RecoGrappaPhaseCenter=0
##$RecoGrappaTruncThresh=-1
##$RecoRegridN=Off
$$ @vis= RecoSortGroup RecoGrappaAccelFactor RecoGrappaGroup RecoRegridN
##$RecoStageNrPasses=4
##$RecoStagePasses=( 4 )
(<FIRSTPASS>, 0) (<FTPASS1>, 1) (<PREPPASS>, 2) (<MAPPASS>, 3)
##$RecoStageNrNodes=70
##$RecoStageNodes=( 70 )
(<merge>, 0, <RecoQueueSource 
Source0{queueId=0;nr=1;procDim=1;dim=2;sizes={320,2880}
;baseField=REAL;verbose=false;initOnce=true}>) (<merge>, 0, <RecoQueueSource 
Source1{queueId=1;nr=1;procDim=1;dim=2;sizes={320,2880}
;baseField=REAL;verbose=false;initOnce=true}>) (<merge>, 0, <RecoQueueSource 
Source2{queueId=2;nr=1;procDim=1;dim=2;sizes={320,2880}
;baseField=REAL;verbose=false;initOnce=true}>) (<merge>, 0, <RecoQueueSource 
Source3{queueId=3;nr=1;procDim=1;dim=2;sizes={320,2880}
;baseField=REAL;verbose=false;initOnce=true}>) (<merge>, 0, 
<RecoCombineFilter Combine{verbose=false;dim=1}>) (<merge>, 0, <RecoQueueSink 
Sink{verbose=false;initOnce=true;}>) (<input>, 0, <RecoFileSource 
Q{numChan=4;byteOrder=\<BYTORDA\>;contData=false;initFromACQP=true;}>) 
(<input>, 0, <RecoQueueSink S{initQueue=true;initOnce=true;}>) (<compute>, 0, 
<RecoQueueSource Q0{initFromACQP=true;initOnce=true;}>) (<compute>, 0, 
<RecoBufferSink S0{procDim=1;frameDim=2;bufferId="FIRSTPASS0";memId="out0"}>) 
(<compute>, 0, <RecoBufferSink 
S1{procDim=1;frameDim=2;bufferId="FIRSTPASS1";memId="out1"}>) (<compute>, 0, 
<RecoBufferSink S2{procDim=1;frameDim=2;bufferId="FIRSTPASS2";memId="out2"}>) 
(<compute>, 0, <RecoBufferSink 
S3{procDim=1;frameDim=2;bufferId="FIRSTPASS3";memId="out3"}>) (<compute>, 0, 
<RecoSplitFilter SP0{dim=1; keepBlocksize=1}>) (<compute>, 0, <RecoCastFilter 
CAST0{dataRep=FLOAT; wordSize=8}>) (<compute>, 0, <RecoZfillFilter 
Z0{fixedSize=\<RECO_ft_size[0]\>; dataPosition=32; fillingPosition=0.5}>) 
(<compute>, 0, <RecoFTShiftFilter FTS0{frameDim=2; winDirection=0; 
shift=\<RECO_rotate[0]\>; exponent=1}>) (<compute>, 0, <RecoFTFilter 
FT0{direction=0; exponent=1}>) (<compute>, 0, <RecoSortFilter 
REORD0{sortDim=\<RecoSortDim\>; sortSize=\<RecoSortSize\>; 
sortRange=\<RecoSortRange\>; sortSegment=\<RecoSortSegment\>; 
sortMaps=\<RecoSortMaps\>; frameDim = 2}>) (<compute>, 0, <RecoCastFilter 
CAST1{dataRep=FLOAT; wordSize=8}>) (<compute>, 0, <RecoZfillFilter 
Z1{fixedSize=\<RECO_ft_size[0]\>; dataPosition=32; fillingPosition=0.5}>) 
(<compute>, 0, <RecoFTShiftFilter FTS1{frameDim=2; winDirection=0; 
shift=\<RECO_rotate[0]\>; exponent=1}>) (<compute>, 0, <RecoFTFilter 
FT1{direction=0; exponent=1}>) (<compute>, 0, <RecoSortFilter 
REORD1{sortDim=\<RecoSortDim\>; sortSize=\<RecoSortSize\>; 
sortRange=\<RecoSortRange\>; sortSegment=\<RecoSortSegment\>; 
sortMaps=\<RecoSortMaps\>; frameDim = 2}>) (<compute>, 0, <RecoCastFilter 
CAST2{dataRep=FLOAT; wordSize=8}>) (<compute>, 0, <RecoZfillFilter 
Z2{fixedSize=\<RECO_ft_size[0]\>; dataPosition=32; fillingPosition=0.5}>) 
(<compute>, 0, <RecoFTShiftFilter FTS2{frameDim=2; winDirection=0; 
shift=\<RECO_rotate[0]\>; exponent=1}>) (<compute>, 0, <RecoFTFilter 
FT2{direction=0; exponent=1}>) (<compute>, 0, <RecoSortFilter 
REORD2{sortDim=\<RecoSortDim\>; sortSize=\<RecoSortSize\>; 
sortRange=\<RecoSortRange\>; sortSegment=\<RecoSortSegment\>; 
sortMaps=\<RecoSortMaps\>; frameDim = 2}>) (<compute>, 0, <RecoCastFilter 
CAST3{dataRep=FLOAT; wordSize=8}>) (<compute>, 0, <RecoZfillFilter 
Z3{fixedSize=\<RECO_ft_size[0]\>; dataPosition=32; fillingPosition=0.5}>) 
(<compute>, 0, <RecoFTShiftFilter FTS3{frameDim=2; winDirection=0; 
shift=\<RECO_rotate[0]\>; exponent=1}>) (<compute>, 0, <RecoFTFilter 
FT3{direction=0; exponent=1}>) (<compute>, 0, <RecoSortFilter 
REORD3{sortDim=\<RecoSortDim\>; sortSize=\<RecoSortSize\>; 
sortRange=\<RecoSortRange\>; sortSegment=\<RecoSortSegment\>; 
sortMaps=\<RecoSortMaps\>; frameDim = 2}>) (<compute>, 1, <RecoBufferSource 
Q0{procDim=1;frameDim=2;bufferId="FIRSTPASS0";memId="out0"}>) (<compute>, 1, 
<RecoBufferSource Q1{procDim=1;frameDim=2;bufferId="FIRSTPASS1";memId="out1"}>
) (<compute>, 1, <RecoBufferSource 
Q2{procDim=1;frameDim=2;bufferId="FIRSTPASS2";memId="out2"}>) (<compute>, 1, 
<RecoBufferSource Q3{procDim=1;frameDim=2;bufferId="FIRSTPASS3";memId="out3"}>
) (<compute>, 1, <RecoBufferSink 
S0{procDim=1;frameDim=2;bufferId="FTPASS10";memId="in0"}>) (<compute>, 1, 
<RecoBufferSink S1{procDim=1;frameDim=2;bufferId="FTPASS11";memId="in1"}>) 
(<compute>, 1, <RecoBufferSink 
S2{procDim=1;frameDim=2;bufferId="FTPASS12";memId="in2"}>) (<compute>, 1, 
<RecoBufferSink S3{procDim=1;frameDim=2;bufferId="FTPASS13";memId="in3"}>) 
(<compute>, 1, <RecoFTShiftFilter FTS0{frameDim=2; winDirection=1; 
shift=\<RECO_rotate[1]\>; exponent=1}>) (<compute>, 1, <RecoFTFilter 
FT0{direction=1;exponent=1;}>) (<compute>, 1, <RecoFTShiftFilter 
FTS1{frameDim=2; winDirection=1; shift=\<RECO_rotate[1]\>; exponent=1}>) 
(<compute>, 1, <RecoFTFilter FT1{direction=1;exponent=1;}>) (<compute>, 1, 
<RecoFTShiftFilter FTS2{frameDim=2; winDirection=1; shift=\<RECO_rotate[1]\>; 
exponent=1}>) (<compute>, 1, <RecoFTFilter FT2{direction=1;exponent=1;}>) 
(<compute>, 1, <RecoFTShiftFilter FTS3{frameDim=2; winDirection=1; 
shift=\<RECO_rotate[1]\>; exponent=1}>) (<compute>, 1, <RecoFTFilter 
FT3{direction=1;exponent=1;}>) (<compute>, 2, <RecoBufferSource 
Q0{procDim=2;frameDim=2;bufferId="FTPASS10";memId="in0"}>) (<compute>, 2, 
<RecoBufferSource Q1{procDim=2;frameDim=2;bufferId="FTPASS11";memId="in1"}>) 
(<compute>, 2, <RecoBufferSource 
Q2{procDim=2;frameDim=2;bufferId="FTPASS12";memId="in2"}>) (<compute>, 2, 
<RecoBufferSource Q3{procDim=2;frameDim=2;bufferId="FTPASS13";memId="in3"}>) 
(<compute>, 2, <RecoBufferSink 
S0{procDim=2;frameDim=2;bufferId="PREPPASS0";memId="out0"}>) (<compute>, 2, 
<RecoScaleFilter SCALE0{scaleFactor=\<RecoScaleChan[0]\>; 
phaseOffset=\<RecoPhaseChan[0]\>}>) (<compute>, 2, <RecoScaleFilter 
SCALE1{scaleFactor=\<RecoScaleChan[1]\>; phaseOffset=\<RecoPhaseChan[1]\>}>) 
(<compute>, 2, <RecoScaleFilter SCALE2{scaleFactor=\<RecoScaleChan[2]\>; 
phaseOffset=\<RecoPhaseChan[2]\>}>) (<compute>, 2, <RecoScaleFilter 
SCALE3{scaleFactor=\<RecoScaleChan[3]\>; phaseOffset=\<RecoPhaseChan[3]\>}>) 
(<compute>, 2, <RecoSumOfSquaresFilter SOS0>) (<compute>, 2, 
<RecoMagnitudeFilter G0>) (<compute>, 2, <RecoTransposeFilter 
TP0{transpose=\<RECO_transposition\>;}>) (<compute>, 2, <RecoMinMaxFilter 
M0{map_min=\<RECO_map_min\>;map_max=\<RECO_map_max\>;}>) (<compute>, 3, 
<RecoBufferSource Q0{procDim=2;frameDim=2;bufferId="PREPPASS0";memId="out0"}>)
 (<compute>, 3, <RecoQueueSink S0>) (<compute>, 3, <RecoMapFilter 
MAP0{symmetricMode=true;minima=\<RECO_minima\>;maxima=\<RECO_maxima\>;slope=\<RECO_map_slope\>;offset=\<RECO_map_offset\>;map_min=\<RECO_map_min\>;map_max=\<RECO_map_max\>;rangeMin=-32766.500000;rangeMax=32766.500000;perObjectMode=false;cutoffMode=true;}>) (<compute>, 3, <RecoCastFilter CAST0{dataRep=SIGNED;wordSize=2}>) (<output>, 3, <RecoQueueSource Q{procDim=2;initFromRECO=true;initOnce=true;}>) (<output>, 3, <RecoImageDisplayFilter DISP{showAll=true;}>) (<output>, 3, <RecoFileSink S{writePars=true;shuffle=false;filename="2dseq";numChans=1;}>)
$$ @vis= RecoRegridNGroup RecoStageNrPasses RecoStagePasses RecoStageNrNodes
##$RecoStageNrEdges=60
##$RecoStageEdges=( 60 )
(<merge>, 0, <Source0-\>Combine>) (<merge>, 0, <Source1-\>Combine>) (<merge>, 
0, <Source2-\>Combine>) (<merge>, 0, <Source3-\>Combine>) (<merge>, 0, 
<Combine-\>Sink>) (<input>, 0, <Q-\>S>) (<compute>, 0, <Q0-\>SP0>) (<compute>,
 0, <SP0-\>CAST0>) (<compute>, 0, <SP0-\>CAST1>) (<compute>, 0, <SP0-\>CAST2>)
 (<compute>, 0, <SP0-\>CAST3>) (<compute>, 0, <CAST0-\>Z0>) (<compute>, 0, 
<Z0-\>FTS0>) (<compute>, 0, <FTS0-\>FT0>) (<compute>, 0, <FT0-\>REORD0>) 
(<compute>, 0, <REORD0-\>S0>) (<compute>, 0, <CAST1-\>Z1>) (<compute>, 0, 
<Z1-\>FTS1>) (<compute>, 0, <FTS1-\>FT1>) (<compute>, 0, <FT1-\>REORD1>) 
(<compute>, 0, <REORD1-\>S1>) (<compute>, 0, <CAST2-\>Z2>) (<compute>, 0, 
<Z2-\>FTS2>) (<compute>, 0, <FTS2-\>FT2>) (<compute>, 0, <FT2-\>REORD2>) 
(<compute>, 0, <REORD2-\>S2>) (<compute>, 0, <CAST3-\>Z3>) (<compute>, 0, 
<Z3-\>FTS3>) (<compute>, 0, <FTS3-\>FT3>) (<compute>, 0, <FT3-\>REORD3>) 
(<compute>, 0, <REORD3-\>S3>) (<compute>, 1, <Q0-\>FTS0>) (<compute>, 1, 
<Q1-\>FTS1>) (<compute>, 1, <Q2-\>FTS2>) (<compute>, 1, <Q3-\>FTS3>) 
(<compute>, 1, <FTS0-\>FT0>) (<compute>, 1, <FT0-\>S0>) (<compute>, 1, 
<FTS1-\>FT1>) (<compute>, 1, <FT1-\>S1>) (<compute>, 1, <FTS2-\>FT2>) 
(<compute>, 1, <FT2-\>S2>) (<compute>, 1, <FTS3-\>FT3>) (<compute>, 1, 
<FT3-\>S3>) (<compute>, 2, <Q0-\>SCALE0>) (<compute>, 2, <Q1-\>SCALE1>) 
(<compute>, 2, <Q2-\>SCALE2>) (<compute>, 2, <Q3-\>SCALE3>) (<compute>, 2, 
<SCALE0-\>SOS0.0>) (<compute>, 2, <SCALE1-\>SOS0.1>) (<compute>, 2, 
<SCALE2-\>SOS0.2>) (<compute>, 2, <SCALE3-\>SOS0.3>) (<compute>, 2, 
<SOS0-\>G0>) (<compute>, 2, <G0-\>TP0>) (<compute>, 2, <TP0-\>M0>) (<compute>,
 2, <M0-\>S0>) (<compute>, 3, <Q0-\>MAP0>) (<compute>, 3, <MAP0-\>CAST0>) 
(<compute>, 3, <CAST0-\>S0>) (<output>, 3, <Q-\>DISP>) (<output>, 3, 
<DISP-\>S>)
$$ @vis= RecoStageNodes RecoStageNrEdges RecoStageEdges RecoStageGroup
##$GS_reco_display=Yes
##$GO_reco_display=Yes
##$GO_reco_each_nr=No
##$GO_max_reco_mem=0
$$ @vis= RecoModeUser GS_reco_display RECO_GS GO_reco_display GO_reco_each_nr
##$RecoPrototype=No
$$ @vis= GO_max_reco_mem RECO_GO RecoPrototype RECO
##END=
$$ File finished by PARX at 2018-08-02 17:07:44.701 -0400
