##TITLE=Parameter List, ParaVision 6.0.1
##JCAMPDX=4.24
##DATATYPE=Parameter Values
##ORIGIN=Bruker BioSpin MRI GmbH
##OWNER=nmrsu
$$ 2018-08-02 17:07:44.699 -0400  nmrsu@CZC5467V68
$$ /opt/PV6.0.1/data/nmrsu/20180802_170324_20180802_HR_T1mapping_NOMN2_1_1/1/pdata/1/visu_pars
$$ process /opt/PV6.0.1/prog/bin/parxserver
##$VisuVersion=3
##$VisuUid=( 65 )
<2.16.756.5.5.100.9223372038447911399.26968.1533244064.1>
##$VisuCreator=( 65 )
<ParaVision>
##$VisuCreatorVersion=( 65 )
<6.0.1>
##$VisuCreationDate=<2018-08-02T17:07:44,698-0400>
##$VisuInstanceModality=( 65 )
<MR>
$$ @vis= VisuVersion VisuUid VisuCreator VisuCreatorVersion VisuCreationDate
##$VisuCoreFrameCount=15
##$VisuCoreDim=2
##$VisuCoreSize=( 2 )
192 192
$$ @vis= VisuInstanceModality VisuInstance VisuCoreFrameCount VisuCoreDim
##$VisuCoreDimDesc=( 2 )
spatial spatial
##$VisuCoreExtent=( 2 )
25 25
##$VisuCoreFrameThickness=( 1 )
1
##$VisuCoreUnits=( 2, 65 )
<mm> <mm>
$$ @vis= VisuCoreSize VisuCoreDimDesc VisuCoreExtent VisuCoreFrameThickness
##$VisuCoreOrientation=( 15, 9 )
1 0 0 0 1 0 0 0 1 1 0 0 0 1 0 0 0 1 1 0 0 0 1 0 0 0 1 1 0 0 0 1 0 0 0 1 1 0 0 
0 1 0 0 0 1 0 1 0 0 0 -1 -1 0 0 0 1 0 0 0 -1 -1 0 0 0 1 0 0 0 -1 -1 0 0 0 1 0 
0 0 -1 -1 0 0 0 1 0 0 0 -1 -1 0 0 1 0 0 0 0 -1 0 1 0 1 0 0 0 0 -1 0 1 0 1 0 0 
0 0 -1 0 1 0 1 0 0 0 0 -1 0 1 0 1 0 0 0 0 -1 0 1 0
##$VisuCorePosition=( 15, 3 )
-12.5 -12.5 -4 -12.5 -12.5 -2 -12.5 -12.5 0 -12.5 -12.5 2 -12.5 -12.5 4 4 
-12.5 12.5 2 -12.5 12.5 0 -12.5 12.5 -2 -12.5 12.5 -4 -12.5 12.5 -12.5 4 12.5 
-12.5 2 12.5 -12.5 0 12.5 -12.5 -2 12.5 -12.5 -4 12.5
##$VisuCoreDataMin=( 15 )
105.816871253531 156.270330059677 122.101502879987 123.483594078496 
167.612579286383 146.486737915214 163.572666268166 181.555280420096 
159.504208984824 147.021635228552 134.464689146619 170.783682203337 
183.56696652182 133.139912530078 137.973222862643
##$VisuCoreDataMax=( 15 )
27270.6266195853 25946.8910663654 24690.7036358086 30567.2503159376 
26235.5536375249 17559.4305837402 22163.8066311038 32766.5 27830.1369720418 
21052.6887731603 23035.1087557354 21504.9915158624 18656.235830471 
11809.6023739767 6694.77221132466
$$ @vis= VisuCoreUnits VisuCoreOrientation VisuCorePosition VisuCoreDataMin
##$VisuCoreDataOffs=( 15 )
0 0 0 0 0 0 0 0 0 0 0 0 0 0 0
##$VisuCoreDataSlope=( 15 )
0.000874098936274285 0.000874098936274285 0.000874098936274285 
0.000874098936274285 0.000874098936274285 0.000874098936274285 
0.000874098936274285 0.000874098936274285 0.000874098936274285 
0.000874098936274285 0.000874098936274285 0.000874098936274285 
0.000874098936274285 0.000874098936274285 0.000874098936274285
##$VisuCoreFrameType=( 1 )
MAGNITUDE_IMAGE
##$VisuCoreSlicePacksDef=(0, 3)
$$ @vis= VisuCoreDataMax VisuCoreDataOffs VisuCoreDataSlope VisuCoreFrameType
##$VisuCoreSlicePacksSlices=( 3 )
(0, 5) (5, 5) (10, 5)
##$VisuCoreSlicePacksSliceDist=( 3 )
2 2 2
$$ @vis= VisuCoreSlicePacksDef VisuCoreSlicePacksSlices
##$VisuCoreWordType=_16BIT_SGN_INT
##$VisuCoreByteOrder=littleEndian
$$ @vis= VisuCoreSlicePacksSliceDist VisuCore VisuCoreWordType
##$VisuCoreTransposition=( 15 )
0 0 0 0 0 1 1 1 1 1 1 1 1 1 1
##$VisuFGOrderDescDim=1
##$VisuFGOrderDesc=( 1 )
(15, <FG_SLICE>, <>, 0, 2)
$$ @vis= VisuCoreByteOrder VisuCoreTransposition VisuPixel VisuFGOrderDescDim
##$VisuGroupDepVals=( 2 )
(<VisuCoreOrientation>, 0) (<VisuCorePosition>, 0)
##$VisuSubjectName=( 65 )
<20180802_HR_T1mapping_NOMN2>
##$VisuSubjectId=( 65 )
<20180802_HR_T1mapping_NOMN2>
$$ @vis= VisuFGOrderDesc VisuGroupDepVals VisuFrameOrderDesc VisuSubjectName
##$VisuSubjectUid=( 65 )
<2.16.756.5.5.100.3740619239.128208.1533243782.1564>
##$VisuSubjectInstanceCreationDate=(1533243782, 130, -240)
##$VisuSubjectBirthDate=( 9 )
<20180802>
$$ @vis= VisuSubjectId VisuSubjectUid VisuSubjectInstanceCreationDate
##$VisuSubjectSex=UNKNOWN
##$VisuSubjectType=Quadruped
##$VisuStudyUid=( 65 )
<2.16.756.5.5.100.3740619239.128208.1533243804.1565>
$$ @vis= VisuSubjectBirthDate VisuSubjectSex VisuSubjectType VisuSubject
##$VisuStudyDate=<2018-08-02T17:03:24,368-0400>
##$VisuStudyId=( 65 )
<20180802_HR_T1mapping>
##$VisuStudyNumber=1
##$VisuSubjectWeight=0.001
$$ @vis= VisuStudyUid VisuStudyDate VisuStudyId VisuStudyNumber
##$VisuStudyReferringPhysician=( 65 )
<nmrsu>
##$VisuStudyDescription=( 2048 )
<\
>
$$ @vis= VisuSubjectWeight VisuStudyReferringPhysician VisuStudyDescription
##$VisuExperimentNumber=1
##$VisuProcessingNumber=1
##$VisuSeriesDate=<2018-08-02T17:07:44,698-0400>
##$VisuSubjectPosition=Head_Prone
$$ @vis= VisuStudy VisuExperimentNumber VisuProcessingNumber VisuSeriesDate
##$VisuSeriesTypeId=( 65 )
<ACQ_BRUKER_PVM>
$$ @vis= VisuSubjectPosition VisuSeriesTypeId VisuSeries VisuCoilReceive
##$VisuManufacturer=( 65 )
<Bruker BioSpin MRI GmbH>
##$VisuAcqSoftwareVersion=( 65 )
<6.0.1>
$$ @vis= VisuCoilTransmit VisuContrastAgent VisuManufacturer
##$VisuInstitution=( 65 )
<New York University>
##$VisuStation=( 65 )
<spect>
##$VisuSystemOrderNumber=( 65 )
<10194026>
$$ @vis= VisuAcqSoftwareVersion VisuInstitution VisuStation
##$VisuAcqDate=<2018-08-02T17:06:40,786-0400>
##$VisuAcqEchoTrainLength=192
$$ @vis= VisuSystemOrderNumber VisuEquipment VisuAcqDate
##$VisuAcqSequenceName=( 40 )
<Bruker:FLASH>
##$VisuAcqNumberOfAverages=1
##$VisuAcqImagingFrequency=300.332481332329
$$ @vis= VisuAcqEchoTrainLength VisuAcqSequenceName VisuAcqNumberOfAverages
##$VisuAcqImagedNucleus=( 8 )
<1H>
##$VisuAcqRepetitionTime=( 1 )
15
##$VisuAcqPhaseEncSteps=192
$$ @vis= VisuAcqImagingFrequency VisuAcqImagedNucleus VisuAcqRepetitionTime
##$VisuAcqPixelBandwidth=212.296195652174
##$VisuAcqFlipAngle=10
##$VisuAcqSize=( 2 )
160 192
$$ @vis= VisuAcqPhaseEncSteps VisuAcqPixelBandwidth VisuAcqFlipAngle
##$VisuAcqImageSizeAccellerated=No
##$VisuAcqGradEncoding=( 2 )
read_enc phase_enc
##$VisuAcqEchoTime=( 1 )
3
$$ @vis= VisuAcqSize VisuAcqImageSizeAccellerated VisuAcqGradEncoding
##$VisuAcquisitionProtocol=( 65 )
<1_Localizer_multi_slice>
##$VisuAcqScanTime=43200
##$VisuAcqAntiAlias=( 2 )
1 1
$$ @vis= VisuAcqEchoTime VisuAcquisitionProtocol VisuAcqScanTime
##$VisuAcqEchoSequenceType=GradientEcho
##$VisuAcqSpinsVelocityEncoded=No
##$VisuAcqHasTimeOfFlightContrast=No
$$ @vis= VisuAcqAntiAlias VisuAcqEchoSequenceType VisuAcqSpinsVelocityEncoded
##$VisuAcqIsEpiSequence=No
##$VisuAcqSpectralSuppression=FatSuppression
$$ @vis= VisuAcqHasTimeOfFlightContrast VisuAcqIsEpiSequence
##$VisuAcqKSpaceTraversal=RectilinearTraversal
##$VisuAcqEncodingOrder=( 2 )
LinearEncoding LinearEncoding
$$ @vis= VisuAcqSpectralSuppression VisuAcqKSpaceTraversal
##$VisuAcqKSpaceTrajectoryCnt=1
##$VisuAcqKSpaceFiltering=( 2 )
NO_WDW NO_WDW
$$ @vis= VisuAcqEncodingOrder VisuAcqKSpaceTrajectoryCnt
##$VisuAcqFlowCompensation=FlowNone
##$VisuAcqSpoiling=GradientSpoiled
##$VisuAcqPartialFourier=( 2 )
1.2 1
$$ @vis= VisuAcqKSpaceFiltering VisuAcqFlowCompensation VisuAcqSpoiling
##$VisuAcqParallelReductionFactor=( 2 )
1 1
##$VisuAcqMagnetizationTransfer=No
$$ @vis= VisuAcqPartialFourier VisuAcqParallelReductionFactor
##$VisuAcqBloodSignalNulling=No
##$VisuCardiacSynchUsed=No
$$ @vis= VisuAcqMagnetizationTransfer VisuAcqBloodSignalNulling
##$VisuRespSynchUsed=No
$$ @vis= VisuCardiacSynchUsed VisuRespSynchUsed VisuAcquisition VisuMpi
$$ @vis= VisuDepricated Visu
##END=
$$ File finished by PARX at 2018-08-02 17:07:44.700 -0400
