##TITLE=Parameter List, ParaVision 6.0.1
##JCAMPDX=4.24
##DATATYPE=Parameter Values
##ORIGIN=Bruker BioSpin MRI GmbH
##OWNER=nmrsu
$$ 2018-08-02 16:26:45.091 -0400  nmrsu@CZC5467V68
$$ /opt/PV6.0.1/data/nmrsu/20180802_145925_20180802_HR_T1mapping_NOMN1_1_1/7/pdata/2/visu_pars
$$ process /opt/PV6.0.1/prog/mod/xtip
##$VisuVersion=3
##$VisuUid=( 65 )
<2.16.756.5.5.100.3740619239.2997.1533241605.428>
##$VisuCreator=( 65 )
<ParaVision;xtip>
##$VisuCreatorVersion=( 65 )
<6.0.1;6.0.1>
##$VisuCreationDate=<2018-08-02T16:26:45,091-0400>
$$ @vis= VisuVersion VisuUid VisuCreator VisuCreatorVersion VisuCreationDate
##$VisuCoreFrameCount=25
##$VisuCoreDim=2
##$VisuCoreSize=( 2 )
100 100
##$VisuCoreDimDesc=( 2 )
spatial spatial
$$ @vis= VisuInstance VisuCoreFrameCount VisuCoreDim VisuCoreSize
##$VisuCoreExtent=( 2 )
5 5
##$VisuCoreFrameThickness=( 1 )
1
##$VisuCoreUnits=( 2, 65 )
<mm> <mm>
##$VisuCoreOrientation=( 1, 9 )
-0.0878746711688159 0.996111185100218 -0.00636781636136297 0.0722752379832017 
0 -0.997384725155981 -0.993506080575979 -0.0881050901948325 
-0.0719941729608474
$$ @vis= VisuCoreDimDesc VisuCoreExtent VisuCoreFrameThickness VisuCoreUnits
##$VisuCorePosition=( 1, 3 )
-1.02961141703596 1.57078203724945 4.43428135379336
##$VisuCoreDataMin=( 25 )
0 0 0 0 879568 0 0 0 0 2477171 0 0 0 0 766933 0 0 0 0 8459547 0 0 0 0 4830970
##$VisuCoreDataMax=( 25 )
1649329920 1463861888 2071017600 1699792512 1100159488 1163496064 927831808 
1262334592 1199981696 1297344896 1647262464 1203601792 1222498560 943482880 
1168200576 1185188480 806902720 1079447040 928287872 1632415232 1844009088 
1207526656 1124178944 1022746176 2038856320
##$VisuCoreDataOffs=( 25 )
0 0 0 0 0 0 0 0 0 0 0 0 0 0 0 0 0 0 0 0 0 0 0 0 0
$$ @vis= VisuCoreOrientation VisuCorePosition VisuCoreDataMin VisuCoreDataMax
##$VisuCoreDataSlope=( 25 )
1.19209289550781e-07 1.19209289550781e-07 3.814697265625e-06 
3.814697265625e-06 5.96046447753906e-08 1.19209289550781e-07 
1.19209289550781e-07 7.62939453125e-06 7.62939453125e-06 7.45058059692383e-09 
5.96046447753906e-08 5.96046447753906e-08 7.62939453125e-06 7.62939453125e-06 
2.98023223876953e-08 5.96046447753906e-08 5.96046447753906e-08 
7.62939453125e-06 7.62939453125e-06 3.72529029846191e-09 2.98023223876953e-08 
2.98023223876953e-08 7.62939453125e-06 7.62939453125e-06 1.86264514923096e-09
##$VisuCoreDataUnits=( 5, 65 )
<> <> <ms> <ms> <>
##$VisuCoreFrameType=( 1 )
REAL_IMAGE
$$ @vis= VisuCoreDataOffs VisuCoreDataSlope VisuCoreDataUnits
##$VisuFGElemComment=( 5, 65 )
<signal intensity> <std dev of signal intensity> <T1 relaxation time> <std 
dev of T1 relaxation time> <std dev of the fit>
##$VisuCoreWordType=_32BIT_SGN_INT
##$VisuCoreByteOrder=littleEndian
$$ @vis= VisuCoreFrameType VisuFGElemComment VisuCore VisuCoreWordType
##$VisuFGOrderDescDim=2
##$VisuFGOrderDesc=( 2 )
(5, <FG_ISA>, <T1 saturation recovery>, 0, 2) (5, <FG_ECHO>, <>, 2, 1)
##$VisuGroupDepVals=( 3 )
(<VisuCoreDataUnits>, 0) (<VisuFGElemComment>, 0) (<VisuAcqEchoTime>, 0)
$$ @vis= VisuCoreByteOrder VisuPixel VisuFGOrderDescDim VisuFGOrderDesc
##$VisuSubjectName=( 65 )
<20180802_HR_T1mapping_NOMN1>
##$VisuSubjectId=( 65 )
<20180802_HR_T1mapping_NOMN1>
##$VisuSubjectUid=( 65 )
<2.16.756.5.5.100.3740619239.128208.1533236365.1244>
$$ @vis= VisuGroupDepVals VisuFrameOrderDesc VisuSubjectName VisuSubjectId
##$VisuSubjectInstanceCreationDate=(1533236365, 966, -240)
##$VisuSubjectBirthDate=( 9 )
<20180802>
##$VisuSubjectSex=UNKNOWN
$$ @vis= VisuSubjectUid VisuSubjectInstanceCreationDate VisuSubjectBirthDate
##$VisuSubjectType=Quadruped
##$VisuStudyUid=( 65 )
<2.16.756.5.5.100.3740619239.128208.1533236365.1245>
##$VisuStudyDate=<2018-08-02T14:59:25,966-0400>
$$ @vis= VisuSubjectSex VisuSubjectType VisuSubject VisuStudyUid
##$VisuStudyId=( 65 )
<20180802_HR_T1mapping>
##$VisuStudyNumber=1
##$VisuSubjectWeight=0.001
##$VisuStudyReferringPhysician=( 65 )
<nmrsu>
$$ @vis= VisuStudyDate VisuStudyId VisuStudyNumber VisuSubjectWeight
##$VisuStudyDescription=( 2048 )
<\
>
##$VisuExperimentNumber=7
$$ @vis= VisuStudyReferringPhysician VisuStudyDescription VisuStudy
##$VisuProcessingNumber=2
##$VisuSeriesDate=<2018-08-02T16:26:45,091-0400>
##$VisuSubjectPosition=Head_Prone
$$ @vis= VisuExperimentNumber VisuProcessingNumber VisuSeriesDate
##$VisuSeriesTypeId=( 65 )
<DERIVED_ISA>
##$VisuSeriesComment=( 65 )
<Parametric image for T1 saturation recovery produced from /opt/P>
##$VisuSeriesReferenceUid=( 65 )
<2.16.756.5.5.100.9223372038447911399.10279.1533241397.1>
$$ @vis= VisuSubjectPosition VisuSeriesTypeId VisuSeriesComment
##$VisuSeriesReferenceTypeId=( 65 )
<ACQ_BRUKER_PVM>
$$ @vis= VisuSeriesReferenceUid VisuSeriesReferenceTypeId VisuSeries
##$VisuManufacturer=( 65 )
<Bruker BioSpin MRI GmbH>
$$ @vis= VisuCoilReceive VisuCoilTransmit VisuContrastAgent VisuManufacturer
##$VisuAcqEchoTime=( 5 )
7 21 35 49 63
$$ @vis= VisuEquipment VisuAcqEchoTime VisuAcquisition VisuMpi VisuDepricated
$$ @vis= Visu
##END=
$$ File finished by PARX at 2018-08-02 16:26:45.092 -0400
