##TITLE=Parameter List, ParaVision 6.0.1
##JCAMPDX=4.24
##DATATYPE=Parameter Values
##ORIGIN=Bruker BioSpin MRI GmbH
##OWNER=nmrsu
$$ 2018-08-02 17:45:53.475 -0400  nmrsu@CZC5467V68
$$ /opt/PV6.0.1/data/nmrsu/20180802_170324_20180802_HR_T1mapping_NOMN2_1_1/6/visu_pars
$$ process /opt/PV6.0.1/prog/mod/acq_out
##$VisuVersion=3
##$VisuUid=( 65 )
<2.16.756.5.5.100.9223372038447911399.31874.1533246353.1>
##$VisuCreator=( 65 )
<ParaVision>
##$VisuCreatorVersion=( 65 )
<6.0.1>
##$VisuCreationDate=<2018-08-02T17:45:53,420-0400>
##$VisuInstanceModality=( 65 )
<MR>
##$VisuCoreFrameCount=25
##$VisuCoreDim=2
##$VisuCoreSize=( 2 )
100 100
##$VisuCoreDimDesc=( 2 )
spatial spatial
##$VisuCoreExtent=( 2 )
5 5
##$VisuCoreFrameThickness=( 1 )
1
##$VisuCoreUnits=( 2, 65 )
<mm> <mm>
##$VisuCoreOrientation=( 1, 9 )
-0.157857543263875 0.987461459878608 0.000928056627110742 0.0259282065728042 
0.005084447156976 -0.999650877307185 -0.987121433329564 -0.15777836876935 
-0.0264057230514706
##$VisuCorePosition=( 1, 3 )
-0.924766658272331 1.63729523241105 3.38824605170018
##$VisuCoreDataMin=( 25 )
1520.05308929075 602.458716538815 979.774945306459 694.785976364027 
717.321758564929 1674.59109253814 876.193299951558 870.346462502637 
908.040710622807 664.157615818354 1343.32492132175 971.321731357721 
741.094487898633 624.461297442345 554.686401273623 746.378507716565 
678.298985915646 486.932183458194 509.147937074817 314.893906126735 
795.933891595074 333.923443713003 630.165417974638 338.934165861969 
251.224476199832
##$VisuCoreDataMax=( 25 )
32766.5 23628.9505429727 17318.0917285568 12936.5238291364 9461.6015167088 
28467.104295707 20823.1637879489 15142.5565732381 11622.3194338805 
8564.14785652517 21606.3241154327 16247.4961018577 11530.7157646593 
8211.96123511498 6162.08508329614 14192.6434888045 10560.6231425031 
7050.27669242551 5450.47876810879 4461.39736453746 11623.0607231829 
8269.11756924869 6071.67673084205 4551.1326169802 3685.27522355957
##$VisuCoreDataOffs=( 25 )
0 0 0 0 0 0 0 0 0 0 0 0 0 0 0 0 0 0 0 0 0 0 0 0 0
##$VisuCoreDataSlope=( 25 )
0.00268023810599093 0.00268023810599093 0.00268023810599093 
0.00268023810599093 0.00268023810599093 0.00268023810599093 
0.00268023810599093 0.00268023810599093 0.00268023810599093 
0.00268023810599093 0.00268023810599093 0.00268023810599093 
0.00268023810599093 0.00268023810599093 0.00268023810599093 
0.00268023810599093 0.00268023810599093 0.00268023810599093 
0.00268023810599093 0.00268023810599093 0.00268023810599093 
0.00268023810599093 0.00268023810599093 0.00268023810599093 
0.00268023810599093
##$VisuCoreFrameType=( 1 )
MAGNITUDE_IMAGE
##$VisuFGElemComment=( 5, 65 )
<VTR=  4200.0ms> <VTR=  2800.0ms> <VTR=  1500.0ms> <VTR=   800.0ms> <VTR=   
616.8ms>
##$VisuCoreWordType=_16BIT_SGN_INT
##$VisuCoreByteOrder=littleEndian
##$VisuFGOrderDescDim=2
##$VisuFGOrderDesc=( 2 )
(5, <FG_ECHO>, <>, 0, 1) (5, <FG_MOVIE>, <vtr>, 1, 2)
##$VisuGroupDepVals=( 3 )
(<VisuAcqEchoTime>, 0) (<VisuFGElemComment>, 0) (<VisuAcqRepetitionTime>, 0)
##$VisuSubjectName=( 65 )
<20180802_HR_T1mapping_NOMN2>
##$VisuSubjectId=( 65 )
<20180802_HR_T1mapping_NOMN2>
##$VisuSubjectUid=( 65 )
<2.16.756.5.5.100.3740619239.128208.1533243782.1564>
##$VisuSubjectInstanceCreationDate=(1533243782, 130, -240)
##$VisuSubjectBirthDate=( 9 )
<20180802>
##$VisuSubjectSex=UNKNOWN
##$VisuSubjectType=Quadruped
##$VisuStudyUid=( 65 )
<2.16.756.5.5.100.3740619239.128208.1533243804.1565>
##$VisuStudyDate=<2018-08-02T17:03:24,368-0400>
##$VisuStudyId=( 65 )
<20180802_HR_T1mapping>
##$VisuStudyNumber=1
##$VisuSubjectWeight=0.001
##$VisuStudyReferringPhysician=( 65 )
<nmrsu>
##$VisuStudyDescription=( 2048 )
<\
>
##$VisuExperimentNumber=6
##$VisuProcessingNumber=1
##$VisuSeriesDate=<2018-08-02T17:45:53,420-0400>
##$VisuSubjectPosition=Head_Prone
##$VisuSeriesTypeId=( 65 )
<ACQ_BRUKER_PVM>
##$VisuManufacturer=( 65 )
<Bruker BioSpin MRI GmbH>
##$VisuAcqSoftwareVersion=( 65 )
<6.0.1>
##$VisuInstitution=( 65 )
<New York University>
##$VisuStation=( 65 )
<spect>
##$VisuSystemOrderNumber=( 65 )
<10194026>
##$VisuAcqDate=<2018-08-02T17:29:16,144-0400>
##$VisuAcqEchoTrainLength=2
##$VisuAcqSequenceName=( 40 )
<Bruker:RAREVTR>
##$VisuAcqNumberOfAverages=2
##$VisuAcqImagingFrequency=300.332481332329
##$VisuAcqImagedNucleus=( 8 )
<1H>
##$VisuAcqRepetitionTime=( 5 )
4200 2800 1500 800 616.780363636364
##$VisuAcqPhaseEncSteps=100
##$VisuAcqPixelBandwidth=500
##$VisuAcqFlipAngle=90
##$VisuAcqSize=( 2 )
100 100
##$VisuAcqImageSizeAccellerated=No
##$VisuAcqGradEncoding=( 2 )
phase_enc read_enc
##$VisuAcqEchoTime=( 5 )
7 21 35 49 63
##$VisuAcquisitionProtocol=( 65 )
<T1_T2map_RARE>
##$VisuAcqScanTime=991678.036363636
##$VisuAcqAntiAlias=( 2 )
1 1
##$VisuAcqEchoSequenceType=Both
##$VisuAcqSpinsVelocityEncoded=No
##$VisuAcqHasTimeOfFlightContrast=No
##$VisuAcqIsEpiSequence=No
##$VisuAcqSpectralSuppression=NoSuppression
##$VisuAcqKSpaceTraversal=RectilinearTraversal
##$VisuAcqEncodingOrder=( 2 )
LinearEncoding LinearEncoding
##$VisuAcqKSpaceTrajectoryCnt=1
##$VisuAcqKSpaceFiltering=( 2 )
NO_WDW NO_WDW
##$VisuAcqFlowCompensation=FlowNone
##$VisuAcqSpoiling=GradientSpoiled
##$VisuAcqSaturation=( 3 )
(FovSaturation, 11.1751, -0.991711140151979 -0.124364210170129 
-0.0322886625183297, 5.34348575949194 0.670092690430711 0.173976071634423) 
(FovSaturation, 30.6646, 0.142133248515084 -0.989847533545722 -0, 
1.84789591999261 -12.8691579047373 -0) (FovSaturation, 8.24424, 
-0.986952408073673 -0.159324361550595 -0.0232527850820643, -5.12515761247201 
-0.827357487325085 -0.120749681037935)
##$VisuAcqPartialFourier=( 2 )
1 1
##$VisuAcqParallelReductionFactor=( 2 )
1 1
##$VisuAcqMagnetizationTransfer=No
##$VisuAcqBloodSignalNulling=No
##$VisuCardiacSynchUsed=No
##$VisuRespSynchUsed=No
##END=
$$ File finished by PARX at 2018-08-02 17:45:53.476 -0400
