##TITLE=Parameter List, ParaVision 6.0.1
##JCAMPDX=4.24
##DATATYPE=Parameter Values
##ORIGIN=Bruker BioSpin MRI GmbH
##OWNER=nmrsu
$$ 2018-08-02 18:18:40.064 -0400  nmrsu@CZC5467V68
$$ /opt/PV6.0.1/data/nmrsu/20180802_175417_20180802_HR_T1mapping_MN1_1_1/3/visu_pars
$$ process /opt/PV6.0.1/prog/mod/acq_out
##$VisuVersion=3
##$VisuUid=( 65 )
<2.16.756.5.5.100.9223372038447911399.43581.1533248320.1>
##$VisuCreator=( 65 )
<ParaVision>
##$VisuCreatorVersion=( 65 )
<6.0.1>
##$VisuCreationDate=<2018-08-02T18:18:40,001-0400>
##$VisuInstanceModality=( 65 )
<MR>
##$VisuCoreFrameCount=25
##$VisuCoreDim=2
##$VisuCoreSize=( 2 )
100 100
##$VisuCoreDimDesc=( 2 )
spatial spatial
##$VisuCoreExtent=( 2 )
10 10
##$VisuCoreFrameThickness=( 1 )
1
##$VisuCoreUnits=( 2, 65 )
<mm> <mm>
##$VisuCoreOrientation=( 1, 9 )
-0.136214139265688 0.99067593048846 0.00262850051047451 0.00620203614138046 
0.00350592833671614 -0.99997462128506 -0.990660003740844 -0.136194380270713 
-0.00662176493599813
##$VisuCorePosition=( 1, 3 )
-0.338941484378463 -2.58585929412588 6.55705060387293
##$VisuCoreDataMin=( 25 )
84.4089261511931 239.393277535 346.589161416256 302.459858542197 
229.736022780273 142.641969174671 137.349994587136 239.632113119766 
308.33135477857 197.42359497748 176.879907950666 213.188176923425 
321.783936487519 272.412708765974 141.871724938097 158.333394913739 
151.420372177204 175.319009522902 182.214834760508 145.500027652673 
138.872438156066 160.605916693819 58.6951632982936 126.432076385288 
120.239694525514
##$VisuCoreDataMax=( 25 )
32766.5 26202.7829056676 19897.6363826325 16158.3050176758 13888.7001553759 
29992.1027954932 23996.1500335588 18170.8183794984 13981.6296381754 
12083.0915586269 23423.3969749612 18297.6507697899 13639.1823360929 
10182.3270823091 8497.74922441384 15565.2679983293 12173.8324640811 
8859.07540153921 6659.76816892336 4951.41695926629 12867.7722025213 
9819.73979033908 7360.00403496484 5422.54742637794 3988.59041086579
##$VisuCoreDataOffs=( 25 )
0 0 0 0 0 0 0 0 0 0 0 0 0 0 0 0 0 0 0 0 0 0 0 0 0
##$VisuCoreDataSlope=( 25 )
0.004582476191076 0.004582476191076 0.004582476191076 0.004582476191076 
0.004582476191076 0.004582476191076 0.004582476191076 0.004582476191076 
0.004582476191076 0.004582476191076 0.004582476191076 0.004582476191076 
0.004582476191076 0.004582476191076 0.004582476191076 0.004582476191076 
0.004582476191076 0.004582476191076 0.004582476191076 0.004582476191076 
0.004582476191076 0.004582476191076 0.004582476191076 0.004582476191076 
0.004582476191076
##$VisuCoreFrameType=( 1 )
MAGNITUDE_IMAGE
##$VisuFGElemComment=( 5, 65 )
<VTR=  4200.0ms> <VTR=  2800.0ms> <VTR=  1500.0ms> <VTR=   800.0ms> <VTR=   
616.8ms>
##$VisuCoreWordType=_16BIT_SGN_INT
##$VisuCoreByteOrder=littleEndian
##$VisuFGOrderDescDim=2
##$VisuFGOrderDesc=( 2 )
(5, <FG_ECHO>, <>, 0, 1) (5, <FG_MOVIE>, <vtr>, 1, 2)
##$VisuGroupDepVals=( 3 )
(<VisuAcqEchoTime>, 0) (<VisuFGElemComment>, 0) (<VisuAcqRepetitionTime>, 0)
##$VisuSubjectName=( 65 )
<20180802_HR_T1mapping_MN1>
##$VisuSubjectId=( 65 )
<20180802_HR_T1mapping_MN1>
##$VisuSubjectUid=( 65 )
<2.16.756.5.5.100.3740619239.128208.1533246842.1737>
##$VisuSubjectInstanceCreationDate=(1533246842, 953, -240)
##$VisuSubjectBirthDate=( 9 )
<20180802>
##$VisuSubjectSex=UNKNOWN
##$VisuSubjectType=Quadruped
##$VisuStudyUid=( 65 )
<2.16.756.5.5.100.3740619239.128208.1533246857.1738>
##$VisuStudyDate=<2018-08-02T17:54:17,176-0400>
##$VisuStudyId=( 65 )
<20180802_HR_T1mapping>
##$VisuStudyNumber=1
##$VisuSubjectWeight=0.001
##$VisuStudyReferringPhysician=( 65 )
<nmrsu>
##$VisuStudyDescription=( 2048 )
<\
>
##$VisuExperimentNumber=3
##$VisuProcessingNumber=1
##$VisuSeriesDate=<2018-08-02T18:18:40,001-0400>
##$VisuSubjectPosition=Head_Prone
##$VisuSeriesTypeId=( 65 )
<ACQ_BRUKER_PVM>
##$VisuManufacturer=( 65 )
<Bruker BioSpin MRI GmbH>
##$VisuAcqSoftwareVersion=( 65 )
<6.0.1>
##$VisuInstitution=( 65 )
<New York University>
##$VisuStation=( 65 )
<spect>
##$VisuSystemOrderNumber=( 65 )
<10194026>
##$VisuAcqDate=<2018-08-02T18:10:18,102-0400>
##$VisuAcqEchoTrainLength=2
##$VisuAcqSequenceName=( 40 )
<Bruker:RAREVTR>
##$VisuAcqNumberOfAverages=1
##$VisuAcqImagingFrequency=300.332431425605
##$VisuAcqImagedNucleus=( 8 )
<1H>
##$VisuAcqRepetitionTime=( 5 )
4200 2800 1500 800 616.780363636364
##$VisuAcqPhaseEncSteps=100
##$VisuAcqPixelBandwidth=500
##$VisuAcqFlipAngle=90
##$VisuAcqSize=( 2 )
100 100
##$VisuAcqImageSizeAccellerated=No
##$VisuAcqGradEncoding=( 2 )
phase_enc read_enc
##$VisuAcqEchoTime=( 5 )
7 21 35 49 63
##$VisuAcquisitionProtocol=( 65 )
<T1_T2map_RARE>
##$VisuAcqScanTime=495839.018181818
##$VisuAcqAntiAlias=( 2 )
1 1
##$VisuAcqEchoSequenceType=Both
##$VisuAcqSpinsVelocityEncoded=No
##$VisuAcqHasTimeOfFlightContrast=No
##$VisuAcqIsEpiSequence=No
##$VisuAcqSpectralSuppression=NoSuppression
##$VisuAcqKSpaceTraversal=RectilinearTraversal
##$VisuAcqEncodingOrder=( 2 )
LinearEncoding LinearEncoding
##$VisuAcqKSpaceTrajectoryCnt=1
##$VisuAcqKSpaceFiltering=( 2 )
NO_WDW NO_WDW
##$VisuAcqFlowCompensation=FlowNone
##$VisuAcqSpoiling=GradientSpoiled
##$VisuAcqSaturation=( 3 )
(FovSaturation, 11.1751, -0.990026638978436 -0.140878396101531 
-0.000729126136021164, 5.48779247831227 0.780899596075938 0.00404160127360471)
 (FovSaturation, 11.1751, 0.118029547530384 -0.993010083488467 -0, 
1.57145363244278 -13.2210055481959 -0) (FovSaturation, 9.42653, 
-0.990746605325041 -0.135676380118258 -0.00361716946162253, -5.75159607993623 
-0.787644117914584 -0.0209988079536318)
##$VisuAcqPartialFourier=( 2 )
1 1
##$VisuAcqParallelReductionFactor=( 2 )
1 1
##$VisuAcqMagnetizationTransfer=No
##$VisuAcqBloodSignalNulling=No
##$VisuCardiacSynchUsed=No
##$VisuRespSynchUsed=No
##END=
$$ File finished by PARX at 2018-08-02 18:18:40.064 -0400
