##TITLE=Parameter List, ParaVision 6.0.1
##JCAMPDX=4.24
##DATATYPE=Parameter Values
##ORIGIN=Bruker BioSpin MRI GmbH
##OWNER=nmrsu
$$ 2018-08-02 15:06:07.188 -0400  nmrsu@CZC5467V68
$$ /opt/PV6.0.1/data/nmrsu/20180802_145925_20180802_HR_T1mapping_NOMN1_1_1/1/method
$$ process /opt/PV6.0.1/prog/mod/acq_out
##$Method=<Bruker:FLASH>
##$PVM_EchoTime=3
##$PVM_RepetitionTime=15
##$PVM_NEchoImages=1
##$PVM_NAverages=3
##$PVM_NRepetitions=1
$$ @vis= Method PVM_EchoTime PVM_RepetitionTime PVM_NEchoImages PVM_NAverages
##$PVM_ScanTimeStr=( 16 )
<0h2m9s600ms>
##$PVM_ScanTime=129600
##$PVM_DeriveGains=Yes
##$ExcPulse1Enum=<Calculated>
##$ExcPulse1=(1.11111111111111, 5400, 10, Yes, 4, 6000, 0.166326457462155, 
0.14451877427935, 0, 50, 0.571060168977007, <$ExcPulse1Shape>)
$$ @vis= PVM_NRepetitions PVM_ScanTimeStr PVM_DeriveGains ExcPulse1Enum
##$ExcPulse1Ampl=(0.571060168977007, 5.3435015157526, 2.43318130496681)
##$PVM_GradCalConst=28481.2
##$PVM_Nucleus1Enum=<1H>
##$PVM_Nucleus1=( 8 )
<1H>
##$PVM_RefPowMod1=AutoAdj
$$ @vis= ExcPulse1 RF_Pulses PVM_GradCalConst PVM_Nucleus1Enum PVM_Nucleus1
##$PVM_RefPowCh1=1.57980885921305
##$PVM_RefPowStat1=( 1024 )
<Study: Adj by AdjRefG (protocol ADJ_REFG)>
##$PVM_Nucleus2Enum=<1H>
##$PVM_Nucleus3Enum=<1H>
##$PVM_Nucleus4Enum=<1H>
##$PVM_Nucleus5Enum=<1H>
##$PVM_Nucleus6Enum=<1H>
##$PVM_Nucleus7Enum=<1H>
##$PVM_Nucleus8Enum=<1H>
##$PVM_FrqRef=( 8 )
300.332497711104 0 0 0 0 0 0 0
##$PVM_FrqWorkOffset=( 8 )
0 0 0 0 0 0 0 0
$$ @vis= PVM_RefPowMod1 PVM_RefPowCh1 PVM_RefPowStat1 PVM_FrqRef
##$PVM_FrqWork=( 8 )
300.332497711104 0 0 0 0 0 0 0
##$PVM_FrqRefPpm=( 8 )
4.7 0 0 0 0 0 0 0
##$PVM_FrqWorkOffsetPpm=( 8 )
0 0 0 0 0 0 0 0
##$PVM_FrqWorkPpm=( 8 )
4.7 0 0 0 0 0 0 0
$$ @vis= PVM_FrqWorkOffset PVM_FrqWork PVM_FrqRefPpm PVM_FrqWorkOffsetPpm
##$PVM_NucleiPpmWork=( 20 )
(<1H>, 4.7) (<none>, 0) (<none>, 0) (<none>, 0) (<none>, 0) (<none>, 0) 
(<none>, 0) (<none>, 0) (<none>, 0) (<none>, 0) (<none>, 0) (<none>, 0) 
(<none>, 0) (<none>, 0) (<none>, 0) (<none>, 0) (<none>, 0) (<none>, 0) 
(<none>, 0) (<none>, 0)
##$PVM_SpatDimEnum=<2D>
##$PVM_IsotropicFovRes=Isot_Fov
$$ @vis= PVM_FrqWorkPpm PVM_NucleiPpmWork Nuclei PVM_SpatDimEnum
##$PVM_Matrix=( 2 )
192 192
##$PVM_MinMatrix=( 2 )
32 32
##$PVM_MaxMatrix=( 2 )
2048 2048
##$PVM_DefMatrix=( 3 )
128 128 64
$$ @vis= PVM_IsotropicFovRes PVM_Matrix PVM_MinMatrix PVM_MaxMatrix
##$PVM_AntiAlias=( 2 )
1 1
##$PVM_MaxAntiAlias=( 2 )
2 8
##$PVM_EncSpectroscopy=No
##$PVM_EncUseMultiRec=Yes
$$ @vis= PVM_DefMatrix PVM_AntiAlias PVM_MaxAntiAlias PVM_EncSpectroscopy
##$PVM_EncActReceivers=( 4 )
On On On On
##$PVM_EncZf=( 2 )
1 1
##$PVM_EncPft=( 2 )
1.2 1
##$PVM_EncPftOverscans=( 2 )
64 96
$$ @vis= PVM_EncUseMultiRec PVM_EncActReceivers PVM_EncZf PVM_EncPft
##$PVM_EncPpi=( 2 )
1 1
##$PVM_EncPpiRefLines=( 2 )
0 0
##$PVM_EncOrder=( 2 )
LINEAR_ENC LINEAR_ENC
##$PVM_EncStart=( 2 )
0 -1
##$PVM_EncNReceivers=4
$$ @vis= PVM_EncPftOverscans PVM_EncPpi PVM_EncOrder PVM_EncStart
##$PVM_EncAvailReceivers=8
##$PVM_EncChanScaling=( 4 )
0.77 1 0.85 0.73
##$PVM_EncMatrix=( 2 )
160 192
$$ @vis= PVM_EncNReceivers PVM_EncAvailReceivers PVM_EncChanScaling
##$PVM_EncTotalAccel=1
##$PVM_EncSteps1=( 192 )
-96 -95 -94 -93 -92 -91 -90 -89 -88 -87 -86 -85 -84 -83 -82 -81 -80 -79 -78 
-77 -76 -75 -74 -73 -72 -71 -70 -69 -68 -67 -66 -65 -64 -63 -62 -61 -60 -59 
-58 -57 -56 -55 -54 -53 -52 -51 -50 -49 -48 -47 -46 -45 -44 -43 -42 -41 -40 
-39 -38 -37 -36 -35 -34 -33 -32 -31 -30 -29 -28 -27 -26 -25 -24 -23 -22 -21 
-20 -19 -18 -17 -16 -15 -14 -13 -12 -11 -10 -9 -8 -7 -6 -5 -4 -3 -2 -1 0 1 2 
3 4 5 6 7 8 9 10 11 12 13 14 15 16 17 18 19 20 21 22 23 24 25 26 27 28 29 30 
31 32 33 34 35 36 37 38 39 40 41 42 43 44 45 46 47 48 49 50 51 52 53 54 55 56 
57 58 59 60 61 62 63 64 65 66 67 68 69 70 71 72 73 74 75 76 77 78 79 80 81 82 
83 84 85 86 87 88 89 90 91 92 93 94 95
##$PVM_EncSteps2=( 1 )
0
##$PVM_EncCentralStep1=1
##$PVM_EncValues1=( 192 )
-1 -0.989583333333333 -0.979166666666667 -0.96875 -0.958333333333333 
-0.947916666666667 -0.9375 -0.927083333333333 -0.916666666666667 -0.90625 
-0.895833333333333 -0.885416666666667 -0.875 -0.864583333333333 
-0.854166666666667 -0.84375 -0.833333333333333 -0.822916666666667 -0.8125 
-0.802083333333333 -0.791666666666667 -0.78125 -0.770833333333333 
-0.760416666666667 -0.75 -0.739583333333333 -0.729166666666667 -0.71875 
-0.708333333333333 -0.697916666666667 -0.6875 -0.677083333333333 
-0.666666666666667 -0.65625 -0.645833333333333 -0.635416666666667 -0.625 
-0.614583333333333 -0.604166666666667 -0.59375 -0.583333333333333 
-0.572916666666667 -0.5625 -0.552083333333333 -0.541666666666667 -0.53125 
-0.520833333333333 -0.510416666666667 -0.5 -0.489583333333333 
-0.479166666666667 -0.46875 -0.458333333333333 -0.447916666666667 -0.4375 
-0.427083333333333 -0.416666666666667 -0.40625 -0.395833333333333 
-0.385416666666667 -0.375 -0.364583333333333 -0.354166666666667 -0.34375 
-0.333333333333333 -0.322916666666667 -0.3125 -0.302083333333333 
-0.291666666666667 -0.28125 -0.270833333333333 -0.260416666666667 -0.25 
-0.239583333333333 -0.229166666666667 -0.21875 -0.208333333333333 
-0.197916666666667 -0.1875 -0.177083333333333 -0.166666666666667 -0.15625 
-0.145833333333333 -0.135416666666667 -0.125 -0.114583333333333 
-0.104166666666667 -0.09375 -0.0833333333333333 -0.0729166666666667 -0.0625 
-0.0520833333333333 -0.0416666666666667 -0.03125 -0.0208333333333333 
-0.0104166666666667 0 0.0104166666666667 0.0208333333333333 0.03125 
0.0416666666666667 0.0520833333333333 0.0625 0.0729166666666667 
0.0833333333333333 0.09375 0.104166666666667 0.114583333333333 0.125 
0.135416666666667 0.145833333333333 0.15625 0.166666666666667 
0.177083333333333 0.1875 0.197916666666667 0.208333333333333 0.21875 
0.229166666666667 0.239583333333333 0.25 0.260416666666667 0.270833333333333 
0.28125 0.291666666666667 0.302083333333333 0.3125 0.322916666666667 
0.333333333333333 0.34375 0.354166666666667 0.364583333333333 0.375 
0.385416666666667 0.395833333333333 0.40625 0.416666666666667 
0.427083333333333 0.4375 0.447916666666667 0.458333333333333 0.46875 
0.479166666666667 0.489583333333333 0.5 0.510416666666667 0.520833333333333 
0.53125 0.541666666666667 0.552083333333333 0.5625 0.572916666666667 
0.583333333333333 0.59375 0.604166666666667 0.614583333333333 0.625 
0.635416666666667 0.645833333333333 0.65625 0.666666666666667 
0.677083333333333 0.6875 0.697916666666667 0.708333333333333 0.71875 
0.729166666666667 0.739583333333333 0.75 0.760416666666667 0.770833333333333 
0.78125 0.791666666666667 0.802083333333333 0.8125 0.822916666666667 
0.833333333333333 0.84375 0.854166666666667 0.864583333333333 0.875 
0.885416666666667 0.895833333333333 0.90625 0.916666666666667 
0.927083333333333 0.9375 0.947916666666667 0.958333333333333 0.96875 
0.979166666666667 0.989583333333333
$$ @vis= PVM_EncMatrix PVM_EncTotalAccel PVM_EncSteps1 PVM_EncCentralStep1
##$PVM_EffSWh=40760.8695652174
##$PVM_EchoPosition=40
##$EncGradDur=0.463311111111111
$$ @vis= PVM_EncValues1 Encoding_Output Encoding PVM_EffSWh PVM_EchoPosition
##$PVM_AcquisitionTime=3.92533333333333
##$ReadSpoiler=(Yes, 2, 1.07860623850119, 50)
##$SliceSpoiler=(Yes, 2, 0.2235, 31.41913213382)
##$PVM_DigAutSet=Yes
$$ @vis= EncGradDur PVM_AcquisitionTime ReadSpoiler SliceSpoiler
##$PVM_DigQuad=Yes
##$PVM_DigFilter=<Digital_Sharp>
##$PVM_DigRes=21
##$PVM_DigDw=0.0245333333333333
##$PVM_DigSw=40760.8695652174
$$ @vis= PVM_DigAutSet PVM_DigQuad PVM_DigFilter PVM_DigRes PVM_DigDw
##$PVM_DigNp=160
##$PVM_DigShift=68
##$PVM_DigShiftDbl=68
##$PVM_DigGroupDel=1.66826666666667
##$PVM_DigDur=3.92533333333333
$$ @vis= PVM_DigSw PVM_DigNp PVM_DigShift PVM_DigShiftDbl PVM_DigGroupDel
##$PVM_DigEndDelMin=-4.44089209850063e-16
##$PVM_DigEndDelOpt=0.1088
$$ @vis= PVM_DigDur PVM_DigEndDelMin PVM_DigEndDelOpt DigitizerPars
##$PVM_Isotropic=Isotropic_Fov
##$PVM_Fov=( 2 )
25 25
##$PVM_FovCm=( 2 )
2.5 2.5
##$PVM_SpatResol=( 2 )
0.130208333333333 0.130208333333333
##$PVM_SliceThick=1
##$PVM_ObjOrderScheme=Interlaced
$$ @vis= Sequence_Details PVM_Isotropic PVM_Fov PVM_SpatResol PVM_SliceThick
##$PVM_ObjOrderList=( 15 )
0 2 4 6 8 10 12 14 1 3 5 7 9 11 13
##$PVM_NSPacks=3
##$PVM_SPackArrNSlices=( 3 )
5 5 5
##$PVM_MajSliceOri=No
$$ @vis= PVM_ObjOrderScheme PVM_ObjOrderList PVM_NSPacks PVM_SPackArrNSlices
##$PVM_SPackArrSliceOrient=( 3 )
axial sagittal coronal
##$PVM_SPackArrReadOrient=( 3 )
L_R H_F H_F
##$PVM_SPackArrReadOffset=( 3 )
0 0 0
$$ @vis= PVM_MajSliceOri PVM_SPackArrSliceOrient PVM_SPackArrReadOrient
##$PVM_SPackArrPhase1Offset=( 3 )
0 0 0
##$PVM_SPackArrPhase2Offset=( 3 )
0 0 0
##$PVM_SPackArrSliceOffset=( 3 )
0 0 0
$$ @vis= PVM_SPackArrReadOffset PVM_SPackArrPhase1Offset
##$PVM_SPackArrSliceGapMode=( 3 )
non_contiguous non_contiguous non_contiguous
##$PVM_SPackArrSliceGap=( 3 )
1 1 1
$$ @vis= PVM_SPackArrSliceOffset PVM_SPackArrSliceGapMode
##$PVM_SPackArrSliceDistance=( 3 )
2 2 2
##$PVM_SPackArrGradOrient=( 3, 3, 3 )
1 0 -0 0 1 0 0 -0 1 -0 0 1 -0 1 -0 1 0 0 0 0 1 1 -0 0 0 1 -0
##$PVM_SliceGeo=( 3 )
(((1 0 0 0 -1 0 0 0 -1, 0 0 0), 25 25 9, <+R;read> <+P;phase> <+S;slice>, 0), 
5, 1, 256, 1, 0, No) (((0 -1 0 0 0 -1 1 0 0, 0 0 0), 25 25 9, <+P;phase> 
<+R;read> <+S;slice>, 1), 5, 1, 256, 1, 0, No) (((0 0 -1 1 0 0 0 -1 0, 0 0 0),
 25 25 9, <+R;read> <+P;phase> <+S;slice>, 0), 5, 1, 256, 1, 0, No)
##$PVM_SliceGeoObj=(<BRUKER_SLICEPACKAGE>, GeoCuboidPackId, Standard_GobjShape,
 <PVM_SliceGeo>, <PVM_ObjOrderList>, 0, <R;read> <P;phase> <S;slice>, Yes, 
12584712)
$$ @vis= PVM_SPackArrSliceGap PVM_SPackArrSliceDistance PVM_SliceGeo
##$PVM_EffPhase0Offset=( 15 )
0 0 0 0 0 0 0 0 0 0 0 0 0 0 0
##$PVM_EffPhase1Offset=( 15 )
0 0 0 0 0 0 0 0 0 0 0 0 0 0 0
##$PVM_EffPhase2Offset=( 15 )
0 0 0 0 0 0 0 0 0 0 0 0 0 0 0
##$PVM_EffSliceOffset=( 15 )
-4 -2 0 2 4 -4 -2 0 2 4 -4 -2 0 2 4
##$PVM_EffReadOffset=( 15 )
0 0 0 0 0 0 0 0 0 0 0 0 0 0 0
##$PVM_Phase0Offset=( 15 )
0 0 0 0 0 0 0 0 0 0 0 0 0 0 0
##$PVM_Phase1Offset=( 15 )
0 0 0 0 0 0 0 0 0 0 0 0 0 0 0
##$PVM_Phase2Offset=( 15 )
0 0 0 0 0 0 0 0 0 0 0 0 0 0 0
##$PVM_SliceOffset=( 15 )
-4 -2 0 2 4 -4 -2 0 2 4 -4 -2 0 2 4
##$PVM_ReadOffset=( 15 )
0 0 0 0 0 0 0 0 0 0 0 0 0 0 0
##$PVM_DummyScans=67
##$PVM_DummyScansDur=1005
$$ @vis= PVM_SliceGeoObj SliceOffsetPars ImageGeometry PVM_DummyScans
##$PVM_FreqDriftYN=No
##$PVM_NMovieFrames=1
##$TimeForMovieFrames=100
##$PVM_EvolutionOnOff=Off
$$ @vis= PVM_DummyScansDur DummyScans_Parameters PVM_NMovieFrames
##$PVM_NEvolutionCycles=2
##$PVM_EvolutionCycles=1
##$PVM_EvolutionMode=Constant_Delay
##$PVM_EvolutionTime=( 2 )
1 0
##$PVM_EvolutionDelay=1
##$PVM_EvolutionModuleTime=0
##$PVM_TriggerModule=Off
##$PVM_TriggerMode=per_PhaseStep
##$PVM_TriggerDelay=1
##$PVM_TriggerDur=0.01
##$PVM_TriggerModuleTime=0
##$PVM_TaggingOnOff=Off
##$PVM_TaggingPulEnum=<gauss>
##$PVM_TaggingPul=(0.2, 13700, 29.9843490130517, No, 4, 2740, 0.4181723, 
0.298723764675971, 0, 50, 25.0690721606702, <gauss.exc>)
##$PVM_TaggingPulAmpl=(25.0690721606702, 35.4041467632467, -13.9913826044574)
##$PVM_TaggingMode=SPAMM
##$PVM_TaggingDir=Tagging_grid
##$PVM_TaggingDistance=1
##$PVM_TaggingMinDistance=0.001
##$PVM_TaggingThick=0.2
##$PVM_TaggingOffset1=0
##$PVM_TaggingOffset2=0
##$PVM_TaggingAngle=0
##$PVM_TaggingDelay=0.01
##$PVM_TaggingModuleTime=0
##$PVM_TaggingInterPulseDelay=0.891217603190877
##$PVM_TaggingPulseNumber=5
##$PVM_TaggingPulseElement=0.04
##$PVM_TaggingGradientStrength=5
##$PVM_TaggingGridDelay=0.01
##$PVM_TaggingFL=( 2 )
0 0
##$PVM_TaggingD0=1e-05
##$PVM_TaggingD1=1e-05
##$PVM_TaggingD2=0.000702217603190877
##$PVM_TaggingD3=0.000925392932882038
##$PVM_TaggingD4=0.000149
##$PVM_TaggingD5=2.5e-05
##$PVM_TaggingP0=40
##$PVM_TaggingLp0=4
##$PVM_TaggingGradAmp1=5
##$PVM_TaggingGradAmp2=-0
##$PVM_TaggingGradAmp3=0
##$PVM_TaggingGradAmp4=5
##$PVM_TaggingSpoiler=(No, 1.43537437941166, 1.07439293288204, 
36.0250824636653)
##$PVM_SelIrOnOff=Off
##$PVM_BlBloodOnOff=Off
$$ @vis= PVM_EvolutionOnOff PVM_TriggerModule PVM_TaggingOnOff PVM_SelIrOnOff
##$PVM_FatSupOnOff=On
##$PVM_FatSupPulEnum=<gauss512>
##$PVM_FatSupPul=(2.60952380952381, 1050, 90, No, 4, 2740, 0.4150688, 
0.295357137487272, 0, 50, 1.34661001021435, <gauss512.exc>)
##$PVM_FatSupPulAmpl=(1.34661001021435, 8.20551646824973, -1.2924183853286)
##$PVM_FatSupBandWidth=1050
$$ @vis= PVM_BlBloodOnOff PVM_FatSupOnOff PVM_FatSupPulEnum PVM_FatSupPul
##$PVM_FatSupSpoil=(Yes, 3, 0.447, 23.564349100365)
##$PVM_FatSupModuleTime=3.09152380952381
##$PVM_FatSupPerform=Yes
$$ @vis= PVM_FatSupBandWidth PVM_FatSupSpoil PVM_FatSupModuleTime
##$PVM_FatSupRampTime=0.121
##$PVM_FatSupAmpEnable=0.025
##$PVM_FatSupGradWait=0.01
$$ @vis= PVM_FatSupPerform PVM_FatSupRampTime PVM_FatSupAmpEnable
##$PVM_FatSupFL=( 1 )
-1051.1588015425
##$PVM_FatSupRfLength=2609.52380952381
##$PVM_FatSupSpoilDur=0.298
$$ @vis= PVM_FatSupGradWait PVM_FatSupFL PVM_FatSupRfLength
##$PVM_FatSupSpoilAmp=23.564349100365
##$PVM_MagTransOnOff=Off
$$ @vis= PVM_FatSupSpoilDur PVM_FatSupSpoilAmp Fat_Sup_Parameters
##$PVM_MagTransPulse1Enum=<gauss>
##$PVM_MagTransPulse1=(1.82666666666667, 1500, 117.1, No, 4, 2740, 0.4181723, 
0.298723764675971, 0, 50, 4.5835733500922, <gauss.exc>)
##$PVM_MagTransPulse1Ampl=(4.5835733500922, 15.1386481399301, 
-6.61204185677464)
##$PVM_MagTransPower=10.0017644460368
##$PVM_MagTransOffset=1500
##$PVM_MagTransInterDelay=0.01
##$PVM_MagTransPulsNumb=1
##$PVM_MagTransSpoil=(Yes, 5, 2, 8.77772003988596)
##$PVM_MagTransSpoiler=8.77772003988596
##$PVM_MagTransModuleTime=0
##$PVM_MagTransFL=( 1 )
1500
##$PVM_MtD0=1e-06
##$PVM_MtD1=1e-06
##$PVM_MtD2=1e-06
##$PVM_MtD3=1e-06
##$PVM_MtP0=10
##$PVM_MtLp0=0
##$PVM_FovSatOnOff=Off
##$PVM_FovSatPulEnum=<Calculated>
##$PVM_FovSatPul=(1.2, 5000, 90, Yes, 4, 6000, 0.155352536733369, 
0.135449017488208, 0, 50, 45.4574798029522, <$PVM_FovSatPulShape>)
##$PVM_FovSatPulAmpl=(45.4574798029522, 47.6746682227324, -16.5760535444195)
##$PVM_FovSatNSlices=1
##$PVM_FovSatThick=( 1 )
4
##$PVM_FovSatOffset=( 1 )
0
##$PVM_FovSatSpoil=(Yes, 10, 0.8, 10.9721500498574)
##$PVM_FovSatSpoilDur=0.651
##$PVM_FovSatSpoilAmp=10.9721500498574
##$PVM_FovSatModuleTime=0
##$PVM_FovSatGrad=( 1, 3 )
4.38886001994298 0 0
##$PVM_FovSatRampTime=0.121
##$PVM_FovSatAmpEnable=0.025
##$PVM_FovSatGradWait=0.01
##$PVM_FovSatSliceOri=( 1 )
sagittal
##$PVM_FovSatSliceOriMat=( 1, 9 )
0 -1 0 0 0 -1 1 0 0
##$PVM_FovSatSliceVec=( 1, 3 )
1 0 0
##$PVM_FovSatSlicePos=( 1, 2 )
0 0
##$PVM_FovSatFL=( 1 )
0
##$PVM_FovSatRfLength=1200
##$PVM_FovSatGeoObj=(<BRUKER_FOVSAT>, GeoPlanarId, Standard_GobjShape, 
<PVM_FovSatGeoCub>, <>, 0, <1;first> <2;second> <S;slice>, Yes, 524384)
##$PVM_FovSatGeoCub=( 1 )
(((0 -1 0 0 0 -1 1 0 0, 0 0 0), 58 58 4, <+1;first> <+2;second> <+S;slice>, 0)
, 1, 1, 1, 4, 0, No)
##$PVM_InFlowSatOnOff=Off
##$PVM_InFlowSatNSlices=1
##$PVM_InFlowSatThick=( 1 )
4
##$PVM_InFlowSatMinThick=0.175554400797719
##$PVM_InFlowSatSliceGap=1
##$PVM_FlowSatGeoObj=(<BRUKER_FLOWSAT>, GeoPlanarId, Standard_GobjShape, 
<PVM_FlowSatGeoCub>, <>, 0, <1;first> <2;second> <S;slice>, Yes, 553191)
##$PVM_FlowSatGeoCub=( 3 )
(((1 0 0 0 -1 0 0 0 -1, 0 0 -7.5), 30 30 4, <+1;first> <+2;second> <+S;slice>,
 0), 1, 1, 1, 4, 0, No) (((-0 -0 1 0 -1 0 1 0 0, 7.5 0 0), 30 30 4, <+1;first>
 <+2;second> <+S;slice>, 0), 1, 1, 1, 4, 0, No) (((0 0 -1 1 0 0 0 -1 0, 0 
-7.5 0), 30 30 4, <+1;first> <+2;second> <+S;slice>, 0), 1, 1, 1, 4, 0, No)
##$PVM_FlowSatPulEnum=<Calculated>
##$PVM_FlowSatPul=(1.2, 5000, 90, Yes, 4, 6000, 0.155352536733369, 
0.135449017488208, 0, 50, 45.4574798029522, <$PVM_FlowSatPulShape>)
##$PVM_FlowSatPulAmpl=(45.4574798029522, 47.6746682227324, -16.5760535444195)
##$PVM_InFlowSatSpoil=(Yes, 5, 0.447, 9.81847879181875)
##$PVM_InFlowSatPos=up
##$PVM_InFlowSatModuleTime=0
##$PVM_InFlowSatFL=( 15 )
-625 4375 9375 1875 6875 -625 4375 9375 1875 6875 -625 4375 9375 1875 6875
##$PVM_SfD0=0.000149
##$PVM_SfD1=2.5e-05
##$PVM_SfD2=0.000447
##$PVM_SfP0=1200
##$PVM_SfLp0=1
##$PVM_MotionSupOnOff=On
$$ @vis= PVM_MagTransOnOff PVM_FovSatOnOff PVM_InFlowSatOnOff
##$RFSpoiling=No
##$AngioMode=Yes
##$PVM_MapShimReady=No
##$PVM_MapShimLocShim=No
##$PVM_MapShimStatus=( 128 )
<Mapshim disabled: No map acquired>
$$ @vis= PVM_MotionSupOnOff RFSpoiling AngioMode Preparation PVM_MapShimReady
##$PVM_MapShimCalcStat=( 256 )
<Not Calculated.>
##$PVM_MapShimNSets=1
##$PVM_MapShimSets=( 1 )
(0, 0, 0, 0, 0, 0, 0, 0, 0, 0, 0, 0, 0, 0, 0, 0, 0, 0, 0, 0, 0, 0, 0, 0, 0, 0,
 0, 0, 0, 0, 0, 0, 0, 0, 0, 0, 0, 0, 0)
##$PVM_MapShimNVolumes=1
$$ @vis= PVM_MapShimStatus PVM_MapShimNSets PVM_MapShimSets
##$PVM_MapShimVolShape=Cuboid
##$PVM_ReqShimEnum=Current_Shim
##$PVM_MapShimUseShims=AllShims
##$PVM_MapShimVolDerive=No
##$PVM_MapShimVolMargin=( 3 )
0 0 0
##$PVM_StartupShimCond=TuneupShim
$$ @vis= PVM_MapShimNVolumes PVM_ReqShimEnum MapShim PVM_StartupShimCond
##$PVM_GeoObj=( 1, 65 )
<PVM_SliceGeoObj>
##$PVM_ExportHandler=( 2 )
(<BRUKER_PARIMPORT_SLICEGEO>, <>, <Slice Geometry>) (<BRUKER_PARIMPORT_FOVSAT>
, <>, <FOV Saturation>)
$$ @vis= StartupShims MethodClass PVM_GeoObj PVM_ExportHandler
$$ @vis= StandardMethodGroup
##END=
$$ File finished by PARX at 2018-08-02 15:06:07.190 -0400
