##TITLE=Parameter List, ParaVision 6.0.1
##JCAMPDX=4.24
##DATATYPE=Parameter Values
##ORIGIN=Bruker BioSpin MRI GmbH
##OWNER=nmrsu
$$ 2018-08-02 15:06:07.194 -0400  nmrsu@CZC5467V68
$$ /opt/PV6.0.1/data/nmrsu/20180802_145925_20180802_HR_T1mapping_NOMN1_1_1/1/visu_pars
$$ process /opt/PV6.0.1/prog/mod/acq_out
##$VisuVersion=3
##$VisuUid=( 65 )
<2.16.756.5.5.100.9223372038447911399.143080.1533236767.1>
##$VisuCreator=( 65 )
<ParaVision>
##$VisuCreatorVersion=( 65 )
<6.0.1>
##$VisuCreationDate=<2018-08-02T15:06:07,137-0400>
##$VisuInstanceModality=( 65 )
<MR>
##$VisuCoreFrameCount=15
##$VisuCoreDim=2
##$VisuCoreSize=( 2 )
192 192
##$VisuCoreDimDesc=( 2 )
spatial spatial
##$VisuCoreExtent=( 2 )
25 25
##$VisuCoreFrameThickness=( 1 )
1
##$VisuCoreUnits=( 2, 65 )
<mm> <mm>
##$VisuCoreOrientation=( 15, 9 )
1 0 0 0 1 0 0 0 1 1 0 0 0 1 0 0 0 1 1 0 0 0 1 0 0 0 1 1 0 0 0 1 0 0 0 1 1 0 0 
0 1 0 0 0 1 0 1 0 0 0 -1 -1 0 0 0 1 0 0 0 -1 -1 0 0 0 1 0 0 0 -1 -1 0 0 0 1 0 
0 0 -1 -1 0 0 0 1 0 0 0 -1 -1 0 0 1 0 0 0 0 -1 0 1 0 1 0 0 0 0 -1 0 1 0 1 0 0 
0 0 -1 0 1 0 1 0 0 0 0 -1 0 1 0 1 0 0 0 0 -1 0 1 0
##$VisuCorePosition=( 15, 3 )
-12.5 -12.5 -4 -12.5 -12.5 -2 -12.5 -12.5 0 -12.5 -12.5 2 -12.5 -12.5 4 4 
-12.5 12.5 2 -12.5 12.5 0 -12.5 12.5 -2 -12.5 12.5 -4 -12.5 12.5 -12.5 4 12.5 
-12.5 2 12.5 -12.5 0 12.5 -12.5 -2 12.5 -12.5 -4 12.5
##$VisuCoreDataMin=( 15 )
91.5532179353539 93.8675654652089 50.7250779051931 86.9827918181425 
90.7409131137811 91.3203294102845 91.9400819337611 98.2962855720699 
116.476812059816 91.9905624340346 86.2862453072321 94.6517307908882 
79.5793588011351 106.066527697358 91.1767907611877
##$VisuCoreDataMax=( 15 )
28650.4184090948 26694.2415303076 24452.4236711935 26612.657945114 
30316.8654993569 19082.6141027083 24205.0331190035 32766.5 25654.0632696868 
19962.8726999626 20287.6318266933 20928.7229036674 21814.5825664314 
13238.3431845546 6239.38198028602
##$VisuCoreDataOffs=( 15 )
0 0 0 0 0 0 0 0 0 0 0 0 0 0 0
##$VisuCoreDataSlope=( 15 )
0.00255362649176482 0.00255362649176482 0.00255362649176482 
0.00255362649176482 0.00255362649176482 0.00255362649176482 
0.00255362649176482 0.00255362649176482 0.00255362649176482 
0.00255362649176482 0.00255362649176482 0.00255362649176482 
0.00255362649176482 0.00255362649176482 0.00255362649176482
##$VisuCoreFrameType=( 1 )
MAGNITUDE_IMAGE
##$VisuCoreSlicePacksDef=(0, 3)
##$VisuCoreSlicePacksSlices=( 3 )
(0, 5) (5, 5) (10, 5)
##$VisuCoreSlicePacksSliceDist=( 3 )
2 2 2
##$VisuCoreWordType=_16BIT_SGN_INT
##$VisuCoreByteOrder=littleEndian
##$VisuCoreTransposition=( 15 )
0 0 0 0 0 1 1 1 1 1 1 1 1 1 1
##$VisuFGOrderDescDim=1
##$VisuFGOrderDesc=( 1 )
(15, <FG_SLICE>, <>, 0, 2)
##$VisuGroupDepVals=( 2 )
(<VisuCoreOrientation>, 0) (<VisuCorePosition>, 0)
##$VisuSubjectName=( 65 )
<20180802_HR_T1mapping_NOMN1>
##$VisuSubjectId=( 65 )
<20180802_HR_T1mapping_NOMN1>
##$VisuSubjectUid=( 65 )
<2.16.756.5.5.100.3740619239.128208.1533236365.1244>
##$VisuSubjectInstanceCreationDate=(1533236365, 966, -240)
##$VisuSubjectBirthDate=( 9 )
<20180802>
##$VisuSubjectSex=UNKNOWN
##$VisuSubjectType=Quadruped
##$VisuStudyUid=( 65 )
<2.16.756.5.5.100.3740619239.128208.1533236365.1245>
##$VisuStudyDate=<2018-08-02T14:59:25,966-0400>
##$VisuStudyId=( 65 )
<20180802_HR_T1mapping>
##$VisuStudyNumber=1
##$VisuSubjectWeight=0.001
##$VisuStudyReferringPhysician=( 65 )
<nmrsu>
##$VisuStudyDescription=( 2048 )
<\
>
##$VisuExperimentNumber=1
##$VisuProcessingNumber=1
##$VisuSeriesDate=<2018-08-02T15:06:07,137-0400>
##$VisuSubjectPosition=Head_Prone
##$VisuSeriesTypeId=( 65 )
<ACQ_BRUKER_PVM>
##$VisuManufacturer=( 65 )
<Bruker BioSpin MRI GmbH>
##$VisuAcqSoftwareVersion=( 65 )
<6.0.1>
##$VisuInstitution=( 65 )
<New York University>
##$VisuStation=( 65 )
<spect>
##$VisuSystemOrderNumber=( 65 )
<10194026>
##$VisuAcqDate=<2018-08-02T15:03:07,014-0400>
##$VisuAcqEchoTrainLength=192
##$VisuAcqSequenceName=( 40 )
<Bruker:FLASH>
##$VisuAcqNumberOfAverages=3
##$VisuAcqImagingFrequency=300.332497711104
##$VisuAcqImagedNucleus=( 8 )
<1H>
##$VisuAcqRepetitionTime=( 1 )
15
##$VisuAcqPhaseEncSteps=192
##$VisuAcqPixelBandwidth=212.296195652174
##$VisuAcqFlipAngle=10
##$VisuAcqSize=( 2 )
160 192
##$VisuAcqImageSizeAccellerated=No
##$VisuAcqGradEncoding=( 2 )
read_enc phase_enc
##$VisuAcqEchoTime=( 1 )
3
##$VisuAcquisitionProtocol=( 65 )
<1_Localizer_multi_slice>
##$VisuAcqScanTime=129600
##$VisuAcqAntiAlias=( 2 )
1 1
##$VisuAcqEchoSequenceType=GradientEcho
##$VisuAcqSpinsVelocityEncoded=No
##$VisuAcqHasTimeOfFlightContrast=No
##$VisuAcqIsEpiSequence=No
##$VisuAcqSpectralSuppression=FatSuppression
##$VisuAcqKSpaceTraversal=RectilinearTraversal
##$VisuAcqEncodingOrder=( 2 )
LinearEncoding LinearEncoding
##$VisuAcqKSpaceTrajectoryCnt=1
##$VisuAcqKSpaceFiltering=( 2 )
NO_WDW NO_WDW
##$VisuAcqFlowCompensation=FlowNone
##$VisuAcqSpoiling=GradientSpoiled
##$VisuAcqPartialFourier=( 2 )
1.2 1
##$VisuAcqParallelReductionFactor=( 2 )
1 1
##$VisuAcqMagnetizationTransfer=No
##$VisuAcqBloodSignalNulling=No
##$VisuCardiacSynchUsed=No
##$VisuRespSynchUsed=No
##END=
$$ File finished by PARX at 2018-08-02 15:06:07.195 -0400
