##TITLE=Parameter List, ParaVision 6.0.1
##JCAMPDX=4.24
##DATATYPE=Parameter Values
##ORIGIN=Bruker BioSpin MRI GmbH
##OWNER=nmrsu
$$ 2018-08-02 15:37:49.243 -0400  nmrsu@CZC5467V68
$$ /opt/PV6.0.1/data/nmrsu/20180802_145925_20180802_HR_T1mapping_NOMN1_1_1/4/pdata/1/visu_pars
$$ process /opt/PV6.0.1/prog/bin/parxserver
##$VisuVersion=3
##$VisuUid=( 65 )
<2.16.756.5.5.100.9223372038447911399.5165.1533238669.1>
##$VisuCreator=( 65 )
<ParaVision>
##$VisuCreatorVersion=( 65 )
<6.0.1>
##$VisuCreationDate=<2018-08-02T15:37:49,241-0400>
##$VisuInstanceModality=( 65 )
<MR>
$$ @vis= VisuVersion VisuUid VisuCreator VisuCreatorVersion VisuCreationDate
##$VisuCoreFrameCount=25
##$VisuCoreDim=2
##$VisuCoreSize=( 2 )
100 100
$$ @vis= VisuInstanceModality VisuInstance VisuCoreFrameCount VisuCoreDim
##$VisuCoreDimDesc=( 2 )
spatial spatial
##$VisuCoreExtent=( 2 )
10 10
##$VisuCoreFrameThickness=( 1 )
1
##$VisuCoreUnits=( 2, 65 )
<mm> <mm>
$$ @vis= VisuCoreSize VisuCoreDimDesc VisuCoreExtent VisuCoreFrameThickness
##$VisuCoreOrientation=( 1, 9 )
-0.0878746711688159 0.996111185100218 -0.00636781636136297 0.0722752379832017 
0 -0.997384725155981 -0.993506080575979 -0.0881050901948325 
-0.0719941729608474
##$VisuCorePosition=( 1, 3 )
-1.00549283407193 -2.70520592550109 9.59875270758672
##$VisuCoreDataMin=( 25 )
114.026210457188 84.1318017019763 71.4200884823616 58.6641488215352 
65.3985263324884 102.483159313325 104.981172809398 96.5218364018997 
50.700773390232 43.1541070473672 111.266798914233 73.4792133747756 
94.9784568705552 73.6991180784897 89.4209666335318 84.5488767226143 
83.6946673886598 87.9452647705505 82.3172529941696 65.9922790467094 
79.8581997826365 68.9344735458152 48.7008700789574 65.4622502476912 
63.2419964880462
##$VisuCoreDataMax=( 25 )
32766.5 24515.4115241426 18539.3765819414 13749.4642211991 10777.2265760629 
29209.2535196924 21175.0078439175 16229.4059687592 12207.0072674334 
9612.13635627301 23232.387585395 15511.2600019698 11473.2366534581 
8884.88012460609 6944.43696894581 18839.7331748162 11481.3782197031 
8195.29907549842 5744.84508989823 4442.70570303606 15833.1146698557 
10135.6907457631 6937.78484831011 5211.02488637842 3959.92696334245
$$ @vis= VisuCoreUnits VisuCoreOrientation VisuCorePosition VisuCoreDataMin
##$VisuCoreDataOffs=( 25 )
0 0 0 0 0 0 0 0 0 0 0 0 0 0 0 0 0 0 0 0 0 0 0 0 0
##$VisuCoreDataSlope=( 25 )
0.00455578735832408 0.00455578735832408 0.00455578735832408 
0.00455578735832408 0.00455578735832408 0.00455578735832408 
0.00455578735832408 0.00455578735832408 0.00455578735832408 
0.00455578735832408 0.00455578735832408 0.00455578735832408 
0.00455578735832408 0.00455578735832408 0.00455578735832408 
0.00455578735832408 0.00455578735832408 0.00455578735832408 
0.00455578735832408 0.00455578735832408 0.00455578735832408 
0.00455578735832408 0.00455578735832408 0.00455578735832408 
0.00455578735832408
##$VisuCoreFrameType=( 1 )
MAGNITUDE_IMAGE
##$VisuFGElemComment=( 5, 65 )
<VTR=  4200.0ms> <VTR=  2800.0ms> <VTR=  1500.0ms> <VTR=   800.0ms> <VTR=   
616.8ms>
$$ @vis= VisuCoreDataMax VisuCoreDataOffs VisuCoreDataSlope VisuCoreFrameType
##$VisuCoreWordType=_16BIT_SGN_INT
##$VisuCoreByteOrder=littleEndian
$$ @vis= VisuFGElemComment VisuCore VisuCoreWordType VisuCoreByteOrder
##$VisuFGOrderDescDim=2
##$VisuFGOrderDesc=( 2 )
(5, <FG_ECHO>, <>, 0, 1) (5, <FG_MOVIE>, <vtr>, 1, 2)
##$VisuGroupDepVals=( 3 )
(<VisuAcqEchoTime>, 0) (<VisuFGElemComment>, 0) (<VisuAcqRepetitionTime>, 0)
$$ @vis= VisuPixel VisuFGOrderDescDim VisuFGOrderDesc VisuGroupDepVals
##$VisuSubjectName=( 65 )
<20180802_HR_T1mapping_NOMN1>
##$VisuSubjectId=( 65 )
<20180802_HR_T1mapping_NOMN1>
##$VisuSubjectUid=( 65 )
<2.16.756.5.5.100.3740619239.128208.1533236365.1244>
##$VisuSubjectInstanceCreationDate=(1533236365, 966, -240)
$$ @vis= VisuFrameOrderDesc VisuSubjectName VisuSubjectId VisuSubjectUid
##$VisuSubjectBirthDate=( 9 )
<20180802>
##$VisuSubjectSex=UNKNOWN
##$VisuSubjectType=Quadruped
$$ @vis= VisuSubjectInstanceCreationDate VisuSubjectBirthDate VisuSubjectSex
##$VisuStudyUid=( 65 )
<2.16.756.5.5.100.3740619239.128208.1533236365.1245>
##$VisuStudyDate=<2018-08-02T14:59:25,966-0400>
##$VisuStudyId=( 65 )
<20180802_HR_T1mapping>
##$VisuStudyNumber=1
$$ @vis= VisuSubjectType VisuSubject VisuStudyUid VisuStudyDate VisuStudyId
##$VisuSubjectWeight=0.001
##$VisuStudyReferringPhysician=( 65 )
<nmrsu>
##$VisuStudyDescription=( 2048 )
<\
>
$$ @vis= VisuStudyNumber VisuSubjectWeight VisuStudyReferringPhysician
##$VisuExperimentNumber=4
##$VisuProcessingNumber=1
$$ @vis= VisuStudyDescription VisuStudy VisuExperimentNumber
##$VisuSeriesDate=<2018-08-02T15:37:49,241-0400>
##$VisuSubjectPosition=Head_Prone
##$VisuSeriesTypeId=( 65 )
<ACQ_BRUKER_PVM>
$$ @vis= VisuProcessingNumber VisuSeriesDate VisuSubjectPosition
$$ @vis= VisuSeriesTypeId VisuSeries VisuCoilReceive VisuCoilTransmit
##$VisuManufacturer=( 65 )
<Bruker BioSpin MRI GmbH>
##$VisuAcqSoftwareVersion=( 65 )
<6.0.1>
##$VisuInstitution=( 65 )
<New York University>
$$ @vis= VisuContrastAgent VisuManufacturer VisuAcqSoftwareVersion
##$VisuStation=( 65 )
<spect>
##$VisuSystemOrderNumber=( 65 )
<10194026>
##$VisuAcqDate=<2018-08-02T15:29:27,354-0400>
$$ @vis= VisuInstitution VisuStation VisuSystemOrderNumber VisuEquipment
##$VisuAcqEchoTrainLength=2
##$VisuAcqSequenceName=( 40 )
<Bruker:RAREVTR>
##$VisuAcqNumberOfAverages=1
$$ @vis= VisuAcqDate VisuAcqEchoTrainLength VisuAcqSequenceName
##$VisuAcqImagingFrequency=300.332497711104
##$VisuAcqImagedNucleus=( 8 )
<1H>
##$VisuAcqRepetitionTime=( 5 )
4200 2800 1500 800 616.780363636364
$$ @vis= VisuAcqNumberOfAverages VisuAcqImagingFrequency VisuAcqImagedNucleus
##$VisuAcqPhaseEncSteps=100
##$VisuAcqPixelBandwidth=500
##$VisuAcqFlipAngle=90
$$ @vis= VisuAcqRepetitionTime VisuAcqPhaseEncSteps VisuAcqPixelBandwidth
##$VisuAcqSize=( 2 )
100 100
##$VisuAcqImageSizeAccellerated=No
##$VisuAcqGradEncoding=( 2 )
read_enc phase_enc
$$ @vis= VisuAcqFlipAngle VisuAcqSize VisuAcqImageSizeAccellerated
##$VisuAcqEchoTime=( 5 )
7 21 35 49 63
##$VisuAcquisitionProtocol=( 65 )
<T1_T2map_RARE>
##$VisuAcqScanTime=495839.018181818
$$ @vis= VisuAcqGradEncoding VisuAcqEchoTime VisuAcquisitionProtocol
##$VisuAcqAntiAlias=( 2 )
1 1
##$VisuAcqEchoSequenceType=Both
##$VisuAcqSpinsVelocityEncoded=No
$$ @vis= VisuAcqScanTime VisuAcqAntiAlias VisuAcqEchoSequenceType
##$VisuAcqHasTimeOfFlightContrast=No
##$VisuAcqIsEpiSequence=No
$$ @vis= VisuAcqSpinsVelocityEncoded VisuAcqHasTimeOfFlightContrast
##$VisuAcqSpectralSuppression=NoSuppression
##$VisuAcqKSpaceTraversal=RectilinearTraversal
$$ @vis= VisuAcqIsEpiSequence VisuAcqSpectralSuppression
##$VisuAcqEncodingOrder=( 2 )
LinearEncoding LinearEncoding
##$VisuAcqKSpaceTrajectoryCnt=1
$$ @vis= VisuAcqKSpaceTraversal VisuAcqEncodingOrder
##$VisuAcqKSpaceFiltering=( 2 )
NO_WDW NO_WDW
##$VisuAcqFlowCompensation=FlowNone
$$ @vis= VisuAcqKSpaceTrajectoryCnt VisuAcqKSpaceFiltering
##$VisuAcqSpoiling=GradientSpoiled
##$VisuAcqSaturation=( 3 )
(FovSaturation, 11.1751, -0.995014426846196 -0.0798423392965149 
-0.0597619546500712, 5.51001890599831 0.442137105908447 0.330939422682568) 
(FovSaturation, 22.474, 0.118029547530384 -0.993010083488467 -0, 
1.57145363244306 -13.2210055481983 -0) (FovSaturation, 8.24424, 
-0.994844161703127 -0.0818125332460978 -0.0599316554840554, -5.21850071269931 
-0.429151398266838 -0.314374249652703)
##$VisuAcqPartialFourier=( 2 )
1 1
$$ @vis= VisuAcqFlowCompensation VisuAcqSpoiling VisuAcqSaturation
##$VisuAcqParallelReductionFactor=( 2 )
1 1
##$VisuAcqMagnetizationTransfer=No
$$ @vis= VisuAcqPartialFourier VisuAcqParallelReductionFactor
##$VisuAcqBloodSignalNulling=No
##$VisuCardiacSynchUsed=No
$$ @vis= VisuAcqMagnetizationTransfer VisuAcqBloodSignalNulling
##$VisuRespSynchUsed=No
$$ @vis= VisuCardiacSynchUsed VisuRespSynchUsed VisuAcquisition VisuMpi
$$ @vis= VisuDepricated Visu
##END=
$$ File finished by PARX at 2018-08-02 15:37:49.244 -0400
